STORAGE: NONE
RESTRICTION: || (== netcoreapp2.1) (== netstandard2.0)
NUGET
  remote: https://api.nuget.org/v3/index.json
    Blazor.Extensions.SignalR (0.1.8)
      Microsoft.AspNetCore.Blazor.Browser (>= 0.7)
    Chessie (0.6) - restriction: || (== netcoreapp2.1) (&& (== netstandard2.0) (>= netcoreapp2.0))
      FSharp.Core (>= 4.0.1.7-alpha)
      NETStandard.Library (>= 1.6)
    dotnet-fake (5.10.1) - clitool: true
      Fake.Core.CommandLineParsing (>= 5.10.1) - restriction: || (== netcoreapp2.1) (&& (== netstandard2.0) (>= netcoreapp2.0))
      Fake.Runtime (>= 5.10.1) - restriction: || (== netcoreapp2.1) (&& (== netstandard2.0) (>= netcoreapp2.0))
      FSharp.Core (>= 4.5.2) - restriction: || (== netcoreapp2.1) (&& (== netstandard2.0) (>= netcoreapp2.0))
      Microsoft.NETCore.App (>= 2.0) - restriction: || (== netcoreapp2.1) (&& (== netstandard2.0) (>= netcoreapp2.0))
      Mono.Cecil (>= 0.10.1) - restriction: || (== netcoreapp2.1) (&& (== netstandard2.0) (>= netcoreapp2.0))
      Paket.Core (>= 5.186.3) - restriction: || (== netcoreapp2.1) (&& (== netstandard2.0) (>= netcoreapp2.0))
    Elmish (2.0.3)
      FSharp.Core (>= 4.5.2)
    Fake.Core.CommandLineParsing (5.10.1) - restriction: || (== netcoreapp2.1) (&& (== netstandard2.0) (>= netcoreapp2.0))
      FParsec (>= 1.0.3)
      FSharp.Core (>= 4.3.4)
    Fake.Core.Context (5.10.1) - restriction: || (== netcoreapp2.1) (&& (== netstandard2.0) (>= netcoreapp2.0))
      FSharp.Core (>= 4.3.4)
    Fake.Runtime (5.10.1) - restriction: || (== netcoreapp2.1) (&& (== netstandard2.0) (>= netcoreapp2.0))
      Fake.Core.Context (>= 5.10.1)
      FSharp.Compiler.Service (>= 25.0.1)
      FSharp.Core (>= 4.3.4)
      Microsoft.DotNet.PlatformAbstractions (>= 2.1)
      Mono.Cecil (>= 0.10.1)
      Paket.Core (>= 5.186.3)
      System.Runtime.Loader (>= 4.3)
    FParsec (1.0.3) - restriction: || (== netcoreapp2.1) (&& (== netstandard2.0) (>= netcoreapp2.0))
      FSharp.Core (>= 4.2.3)
      NETStandard.Library (>= 1.6.1)
    FsCheck (2.13)
      FSharp.Core (>= 4.2.3)
    FsCheck.NUnit (2.13)
      FsCheck (2.13)
      NUnit (>= 3.10.1 < 4.0)
    FSharp.Compiler.Service (25.0.1) - restriction: || (== netcoreapp2.1) (&& (== netstandard2.0) (>= netcoreapp2.0))
      FSharp.Core (>= 4.1.18)
      System.Collections.Immutable (>= 1.5)
      System.Diagnostics.Process (>= 4.1)
      System.Diagnostics.TraceSource (>= 4.0)
      System.Reflection.Emit (>= 4.3)
      System.Reflection.Metadata (>= 1.6)
      System.Reflection.TypeExtensions (>= 4.3)
      System.Runtime.Loader (>= 4.0)
      System.Security.Cryptography.Algorithms (>= 4.3)
    FSharp.Core (4.5.4)
    HtmlAgilityPack (1.8.14)
      System.Net.Http (>= 4.3.2)
      System.Xml.XmlDocument (>= 4.3)
      System.Xml.XPath (>= 4.3)
      System.Xml.XPath.XmlDocument (>= 4.3)
    MessagePack (1.7.3.4)
      System.Reflection.Emit (>= 4.3)
      System.Reflection.Emit.Lightweight (>= 4.3)
      System.Runtime.Serialization.Primitives (>= 4.3)
      System.Threading.Tasks.Extensions (>= 4.3)
      System.ValueTuple (>= 4.3)
    Microsoft.AspNetCore (2.1.6)
      Microsoft.AspNetCore.Diagnostics (>= 2.1.1)
      Microsoft.AspNetCore.HostFiltering (>= 2.1.1)
      Microsoft.AspNetCore.Hosting (>= 2.1.1)
      Microsoft.AspNetCore.Routing (>= 2.1.1)
      Microsoft.AspNetCore.Server.IISIntegration (>= 2.1.2)
      Microsoft.AspNetCore.Server.Kestrel (>= 2.1.3)
      Microsoft.AspNetCore.Server.Kestrel.Https (>= 2.1.3)
      Microsoft.Extensions.Configuration.CommandLine (>= 2.1.1)
      Microsoft.Extensions.Configuration.EnvironmentVariables (>= 2.1.1)
      Microsoft.Extensions.Configuration.FileExtensions (>= 2.1.1)
      Microsoft.Extensions.Configuration.Json (>= 2.1.1)
      Microsoft.Extensions.Configuration.UserSecrets (>= 2.1.1)
      Microsoft.Extensions.Logging (>= 2.1.1)
      Microsoft.Extensions.Logging.Configuration (>= 2.1.1)
      Microsoft.Extensions.Logging.Console (>= 2.1.1)
      Microsoft.Extensions.Logging.Debug (>= 2.1.1)
    Microsoft.AspNetCore.Antiforgery (2.1.1)
      Microsoft.AspNetCore.DataProtection (>= 2.1.1)
      Microsoft.AspNetCore.Http.Abstractions (>= 2.1.1)
      Microsoft.AspNetCore.Http.Extensions (>= 2.1.1)
      Microsoft.AspNetCore.WebUtilities (>= 2.1.1)
      Microsoft.Extensions.ObjectPool (>= 2.1.1)
    Microsoft.AspNetCore.Authentication.Abstractions (2.1.1)
      Microsoft.AspNetCore.Http.Abstractions (>= 2.1.1)
      Microsoft.Extensions.Logging.Abstractions (>= 2.1.1)
      Microsoft.Extensions.Options (>= 2.1.1)
    Microsoft.AspNetCore.Authentication.Core (2.1.1)
      Microsoft.AspNetCore.Authentication.Abstractions (>= 2.1.1)
      Microsoft.AspNetCore.Http (>= 2.1.1)
      Microsoft.AspNetCore.Http.Extensions (>= 2.1.1)
    Microsoft.AspNetCore.Authorization (2.1.2)
      Microsoft.Extensions.Logging.Abstractions (>= 2.1.1)
      Microsoft.Extensions.Options (>= 2.1.1)
    Microsoft.AspNetCore.Authorization.Policy (2.1.2)
      Microsoft.AspNetCore.Authentication.Abstractions (>= 2.1.1)
      Microsoft.AspNetCore.Authorization (>= 2.1.2)
    Microsoft.AspNetCore.Blazor (0.7)
      Microsoft.JSInterop (>= 0.7)
    Microsoft.AspNetCore.Blazor.Analyzers (0.7)
    Microsoft.AspNetCore.Blazor.Browser (0.7)
      Microsoft.AspNetCore.Blazor (>= 0.7)
      Microsoft.Extensions.DependencyInjection (>= 2.1)
      Mono.WebAssembly.Interop (>= 0.7)
    Microsoft.AspNetCore.Blazor.Build (0.7)
      Microsoft.AspNetCore.Blazor.Analyzers (>= 0.7)
      Microsoft.AspNetCore.Razor.Design (>= 2.1.2)
    Microsoft.AspNetCore.Blazor.Cli (0.7) - clitool: true
      Microsoft.AspNetCore (>= 2.1) - restriction: || (== netcoreapp2.1) (&& (== netstandard2.0) (>= netcoreapp2.1))
      Microsoft.AspNetCore.Blazor.Server (>= 0.7) - restriction: || (== netcoreapp2.1) (&& (== netstandard2.0) (>= netcoreapp2.1))
      Microsoft.AspNetCore.ResponseCompression (>= 2.1) - restriction: || (== netcoreapp2.1) (&& (== netstandard2.0) (>= netcoreapp2.1))
      Microsoft.Extensions.CommandLineUtils (>= 1.1.1) - restriction: || (== netcoreapp2.1) (&& (== netstandard2.0) (>= netcoreapp2.1))
      Microsoft.NETCore.App (>= 2.1.3) - restriction: || (== netcoreapp2.1) (&& (== netstandard2.0) (>= netcoreapp2.1))
    Microsoft.AspNetCore.Blazor.Server (0.7)
      Microsoft.AspNetCore.Blazor (>= 0.7)
      Microsoft.AspNetCore.Blazor.Browser (>= 0.7)
      Microsoft.AspNetCore.SignalR (>= 1.0)
      Microsoft.AspNetCore.SignalR.Protocols.MessagePack (>= 1.0)
      Microsoft.AspNetCore.SpaServices.Extensions (>= 2.1)
      Microsoft.AspNetCore.StaticFiles (>= 2.1)
      Microsoft.Extensions.FileProviders.Physical (>= 2.1)
      Mono.Cecil (>= 0.10.0-beta7)
    Microsoft.AspNetCore.Connections.Abstractions (2.1.3)
      Microsoft.AspNetCore.Http.Features (>= 2.1.1)
      System.IO.Pipelines (>= 4.5)
    Microsoft.AspNetCore.Cryptography.Internal (2.1.1)
    Microsoft.AspNetCore.DataProtection (2.1.1)
      Microsoft.AspNetCore.Cryptography.Internal (>= 2.1.1)
      Microsoft.AspNetCore.DataProtection.Abstractions (>= 2.1.1)
      Microsoft.AspNetCore.Hosting.Abstractions (>= 2.1.1)
      Microsoft.Extensions.DependencyInjection.Abstractions (>= 2.1.1)
      Microsoft.Extensions.Logging.Abstractions (>= 2.1.1)
      Microsoft.Extensions.Options (>= 2.1.1)
      Microsoft.Win32.Registry (>= 4.5)
      System.Security.Cryptography.Xml (>= 4.5)
      System.Security.Principal.Windows (>= 4.5)
    Microsoft.AspNetCore.DataProtection.Abstractions (2.1.1)
    Microsoft.AspNetCore.Diagnostics (2.1.1)
      Microsoft.AspNetCore.Diagnostics.Abstractions (>= 2.1.1)
      Microsoft.AspNetCore.Hosting.Abstractions (>= 2.1.1)
      Microsoft.AspNetCore.Http.Extensions (>= 2.1.1)
      Microsoft.AspNetCore.WebUtilities (>= 2.1.1)
      Microsoft.Extensions.FileProviders.Physical (>= 2.1.1)
      Microsoft.Extensions.Logging.Abstractions (>= 2.1.1)
      Microsoft.Extensions.Options (>= 2.1.1)
      System.Diagnostics.DiagnosticSource (>= 4.5)
      System.Reflection.Metadata (>= 1.6)
    Microsoft.AspNetCore.Diagnostics.Abstractions (2.1.1)
    Microsoft.AspNetCore.HostFiltering (2.1.1)
      Microsoft.AspNetCore.Hosting.Abstractions (>= 2.1.1)
      Microsoft.AspNetCore.Http (>= 2.1.1)
      Microsoft.AspNetCore.Http.Extensions (>= 2.1.1)
      Microsoft.Extensions.Options (>= 2.1.1)
    Microsoft.AspNetCore.Hosting (2.1.1)
      Microsoft.AspNetCore.Hosting.Abstractions (>= 2.1.1)
      Microsoft.AspNetCore.Http (>= 2.1.1)
      Microsoft.AspNetCore.Http.Extensions (>= 2.1.1)
      Microsoft.Extensions.Configuration (>= 2.1.1)
      Microsoft.Extensions.Configuration.EnvironmentVariables (>= 2.1.1)
      Microsoft.Extensions.Configuration.FileExtensions (>= 2.1.1)
      Microsoft.Extensions.DependencyInjection (>= 2.1.1)
      Microsoft.Extensions.FileProviders.Physical (>= 2.1.1)
      Microsoft.Extensions.Hosting.Abstractions (>= 2.1.1)
      Microsoft.Extensions.Logging (>= 2.1.1)
      Microsoft.Extensions.Options (>= 2.1.1)
      System.Diagnostics.DiagnosticSource (>= 4.5)
      System.Reflection.Metadata (>= 1.6)
    Microsoft.AspNetCore.Hosting.Abstractions (2.1.1)
      Microsoft.AspNetCore.Hosting.Server.Abstractions (>= 2.1.1)
      Microsoft.AspNetCore.Http.Abstractions (>= 2.1.1)
      Microsoft.Extensions.Hosting.Abstractions (>= 2.1.1)
    Microsoft.AspNetCore.Hosting.Server.Abstractions (2.1.1)
      Microsoft.AspNetCore.Http.Features (>= 2.1.1)
      Microsoft.Extensions.Configuration.Abstractions (>= 2.1.1)
    Microsoft.AspNetCore.Html.Abstractions (2.1.1)
      System.Text.Encodings.Web (>= 4.5)
    Microsoft.AspNetCore.Http (2.1.1)
      Microsoft.AspNetCore.Http.Abstractions (>= 2.1.1)
      Microsoft.AspNetCore.WebUtilities (>= 2.1.1)
      Microsoft.Extensions.ObjectPool (>= 2.1.1)
      Microsoft.Extensions.Options (>= 2.1.1)
      Microsoft.Net.Http.Headers (>= 2.1.1)
    Microsoft.AspNetCore.Http.Abstractions (2.1.1)
      Microsoft.AspNetCore.Http.Features (>= 2.1.1)
      System.Text.Encodings.Web (>= 4.5)
    Microsoft.AspNetCore.Http.Connections (1.0.4)
      Microsoft.AspNetCore.Authorization.Policy (>= 2.1.1)
      Microsoft.AspNetCore.Hosting.Abstractions (>= 2.1.1)
      Microsoft.AspNetCore.Http (>= 2.1.1)
      Microsoft.AspNetCore.Http.Connections.Common (>= 1.0.4)
      Microsoft.AspNetCore.Routing (>= 2.1.1)
      Microsoft.AspNetCore.WebSockets (>= 2.1.1)
      Newtonsoft.Json (>= 11.0.2)
    Microsoft.AspNetCore.Http.Connections.Common (1.0.4)
      Microsoft.AspNetCore.Connections.Abstractions (>= 2.1.2)
      Newtonsoft.Json (>= 11.0.2)
      System.Buffers (>= 4.5)
    Microsoft.AspNetCore.Http.Extensions (2.1.1)
      Microsoft.AspNetCore.Http.Abstractions (>= 2.1.1)
      Microsoft.Extensions.FileProviders.Abstractions (>= 2.1.1)
      Microsoft.Net.Http.Headers (>= 2.1.1)
      System.Buffers (>= 4.5)
    Microsoft.AspNetCore.Http.Features (2.1.1)
      Microsoft.Extensions.Primitives (>= 2.1.1)
    Microsoft.AspNetCore.HttpOverrides (2.1.1)
      Microsoft.AspNetCore.Http.Extensions (>= 2.1.1)
      Microsoft.Extensions.Logging.Abstractions (>= 2.1.1)
      Microsoft.Extensions.Options (>= 2.1.1)
    Microsoft.AspNetCore.JsonPatch (2.1.1)
      Microsoft.CSharp (>= 4.5)
      Newtonsoft.Json (>= 11.0.2)
    Microsoft.AspNetCore.Mvc.Abstractions (2.1.3)
      Microsoft.AspNetCore.Routing.Abstractions (>= 2.1.1)
      Microsoft.Net.Http.Headers (>= 2.1.1)
    Microsoft.AspNetCore.Mvc.Core (2.1.3)
      Microsoft.AspNetCore.Authentication.Core (>= 2.1.1)
      Microsoft.AspNetCore.Authorization.Policy (>= 2.1.1)
      Microsoft.AspNetCore.Hosting.Abstractions (>= 2.1.1)
      Microsoft.AspNetCore.Http (>= 2.1.1)
      Microsoft.AspNetCore.Http.Extensions (>= 2.1.1)
      Microsoft.AspNetCore.Mvc.Abstractions (>= 2.1.3)
      Microsoft.AspNetCore.ResponseCaching.Abstractions (>= 2.1.1)
      Microsoft.AspNetCore.Routing (>= 2.1.1)
      Microsoft.Extensions.DependencyInjection (>= 2.1.1)
      Microsoft.Extensions.DependencyModel (>= 2.1)
      Microsoft.Extensions.FileProviders.Abstractions (>= 2.1.1)
      Microsoft.Extensions.Logging.Abstractions (>= 2.1.1)
      System.Diagnostics.DiagnosticSource (>= 4.5.1)
      System.Threading.Tasks.Extensions (>= 4.5.1)
    Microsoft.AspNetCore.Mvc.DataAnnotations (2.1.3)
      Microsoft.AspNetCore.Mvc.Core (>= 2.1.3)
      Microsoft.Extensions.Localization (>= 2.1.1)
      System.ComponentModel.Annotations (>= 4.5)
    Microsoft.AspNetCore.Mvc.Formatters.Json (2.1.3)
      Microsoft.AspNetCore.JsonPatch (>= 2.1.1)
      Microsoft.AspNetCore.Mvc.Core (>= 2.1.3)
    Microsoft.AspNetCore.Mvc.Razor (2.1.3)
      Microsoft.AspNetCore.Mvc.Razor.Extensions (>= 2.1.1)
      Microsoft.AspNetCore.Mvc.ViewFeatures (>= 2.1.3)
      Microsoft.AspNetCore.Razor.Runtime (>= 2.1.1)
      Microsoft.CodeAnalysis.CSharp (>= 2.8)
      Microsoft.CodeAnalysis.Razor (>= 2.1.1)
      Microsoft.Extensions.Caching.Memory (>= 2.1.1)
      Microsoft.Extensions.FileProviders.Composite (>= 2.1.1)
    Microsoft.AspNetCore.Mvc.Razor.Extensions (2.1.2)
      Microsoft.AspNetCore.Razor.Language (>= 2.1.2)
      Microsoft.CodeAnalysis.Razor (>= 2.1.2)
    Microsoft.AspNetCore.Mvc.TagHelpers (2.1.3)
      Microsoft.AspNetCore.Mvc.Razor (>= 2.1.3)
      Microsoft.AspNetCore.Razor.Runtime (>= 2.1.1)
      Microsoft.AspNetCore.Routing.Abstractions (>= 2.1.1)
      Microsoft.Extensions.Caching.Memory (>= 2.1.1)
      Microsoft.Extensions.FileSystemGlobbing (>= 2.1.1)
      Microsoft.Extensions.Primitives (>= 2.1.1)
    Microsoft.AspNetCore.Mvc.ViewFeatures (2.1.3)
      Microsoft.AspNetCore.Antiforgery (>= 2.1.1)
      Microsoft.AspNetCore.Diagnostics.Abstractions (>= 2.1.1)
      Microsoft.AspNetCore.Html.Abstractions (>= 2.1.1)
      Microsoft.AspNetCore.Mvc.Core (>= 2.1.3)
      Microsoft.AspNetCore.Mvc.DataAnnotations (>= 2.1.3)
      Microsoft.AspNetCore.Mvc.Formatters.Json (>= 2.1.3)
      Microsoft.Extensions.WebEncoders (>= 2.1.1)
      Newtonsoft.Json.Bson (>= 1.0.1)
    Microsoft.AspNetCore.NodeServices (2.1.1)
      Microsoft.AspNetCore.Hosting.Abstractions (>= 2.1.1)
      Microsoft.Extensions.Logging.Console (>= 2.1.1)
      Newtonsoft.Json (>= 11.0.2)
    Microsoft.AspNetCore.Razor (2.1.2)
      Microsoft.AspNetCore.Html.Abstractions (>= 2.1.1)
    Microsoft.AspNetCore.Razor.Design (2.1.2)
    Microsoft.AspNetCore.Razor.Language (2.1.2)
    Microsoft.AspNetCore.Razor.Runtime (2.1.2)
      Microsoft.AspNetCore.Html.Abstractions (>= 2.1.1)
      Microsoft.AspNetCore.Razor (>= 2.1.2)
    Microsoft.AspNetCore.ResponseCaching.Abstractions (2.1.1)
      Microsoft.Extensions.Primitives (>= 2.1.1)
    Microsoft.AspNetCore.ResponseCompression (2.1.1) - restriction: || (== netcoreapp2.1) (&& (== netstandard2.0) (>= netcoreapp2.1))
      Microsoft.AspNetCore.Http.Extensions (>= 2.1.1)
      Microsoft.Extensions.Options (>= 2.1.1)
    Microsoft.AspNetCore.Routing (2.1.1)
      Microsoft.AspNetCore.Http.Extensions (>= 2.1.1)
      Microsoft.AspNetCore.Routing.Abstractions (>= 2.1.1)
      Microsoft.Extensions.Logging.Abstractions (>= 2.1.1)
      Microsoft.Extensions.ObjectPool (>= 2.1.1)
      Microsoft.Extensions.Options (>= 2.1.1)
    Microsoft.AspNetCore.Routing.Abstractions (2.1.1)
      Microsoft.AspNetCore.Http.Abstractions (>= 2.1.1)
    Microsoft.AspNetCore.Server.IISIntegration (2.1.2)
      Microsoft.AspNetCore.Authentication.Core (>= 2.1.1)
      Microsoft.AspNetCore.Hosting.Abstractions (>= 2.1.1)
      Microsoft.AspNetCore.Http (>= 2.1.1)
      Microsoft.AspNetCore.Http.Extensions (>= 2.1.1)
      Microsoft.AspNetCore.HttpOverrides (>= 2.1.1)
      Microsoft.Extensions.Logging.Abstractions (>= 2.1.1)
      Microsoft.Extensions.Options (>= 2.1.1)
      System.Buffers (>= 4.5)
      System.IO.Pipelines (>= 4.5.2)
      System.Memory (>= 4.5.1)
      System.Numerics.Vectors (>= 4.5)
      System.Runtime.CompilerServices.Unsafe (>= 4.5.2)
      System.Security.Principal.Windows (>= 4.5.1)
    Microsoft.AspNetCore.Server.Kestrel (2.1.3)
      Microsoft.AspNetCore.Hosting (>= 2.1.1)
      Microsoft.AspNetCore.Server.Kestrel.Core (>= 2.1.3)
      Microsoft.AspNetCore.Server.Kestrel.Https (>= 2.1.3)
      Microsoft.AspNetCore.Server.Kestrel.Transport.Sockets (>= 2.1.3)
    Microsoft.AspNetCore.Server.Kestrel.Core (2.1.3)
      Microsoft.AspNetCore.Hosting.Abstractions (>= 2.1.1)
      Microsoft.AspNetCore.Server.Kestrel.Transport.Abstractions (>= 2.1.3)
      Microsoft.AspNetCore.WebUtilities (>= 2.1.1)
      Microsoft.Extensions.Configuration.Binder (>= 2.1.1)
      Microsoft.Extensions.Logging.Abstractions (>= 2.1.1)
      Microsoft.Extensions.Options (>= 2.1.1)
      Microsoft.Net.Http.Headers (>= 2.1.1)
      System.Memory (>= 4.5.1)
      System.Numerics.Vectors (>= 4.5)
      System.Runtime.CompilerServices.Unsafe (>= 4.5.1)
      System.Security.Cryptography.Cng (>= 4.5)
      System.Threading.Tasks.Extensions (>= 4.5.1)
    Microsoft.AspNetCore.Server.Kestrel.Https (2.1.3)
      Microsoft.AspNetCore.Http.Abstractions (>= 2.1.1)
      Microsoft.AspNetCore.Server.Kestrel.Core (>= 2.1.3)
    Microsoft.AspNetCore.Server.Kestrel.Transport.Abstractions (2.1.3)
      Microsoft.AspNetCore.Connections.Abstractions (>= 2.1.3)
    Microsoft.AspNetCore.Server.Kestrel.Transport.Sockets (2.1.3)
      Microsoft.AspNetCore.Hosting.Abstractions (>= 2.1.1)
      Microsoft.AspNetCore.Server.Kestrel.Transport.Abstractions (>= 2.1.3)
      Microsoft.Extensions.Options (>= 2.1.1)
    Microsoft.AspNetCore.SignalR (1.0.4)
      Microsoft.AspNetCore.Http.Connections (>= 1.0.4)
      Microsoft.AspNetCore.SignalR.Core (>= 1.0.4)
    Microsoft.AspNetCore.SignalR.Common (1.0.4)
      Microsoft.AspNetCore.Connections.Abstractions (>= 2.1.2)
      Microsoft.Extensions.Options (>= 2.1.1)
      Newtonsoft.Json (>= 11.0.2)
      System.Buffers (>= 4.5)
    Microsoft.AspNetCore.SignalR.Core (1.0.4)
      Microsoft.AspNetCore.Authorization (>= 2.1.1)
      Microsoft.AspNetCore.SignalR.Common (>= 1.0.4)
      Microsoft.AspNetCore.SignalR.Protocols.Json (>= 1.0.4)
      Microsoft.Extensions.DependencyInjection.Abstractions (>= 2.1.1)
      Microsoft.Extensions.Logging.Abstractions (>= 2.1.1)
      System.Reflection.Emit (>= 4.3)
      System.Threading.Channels (>= 4.5)
    Microsoft.AspNetCore.SignalR.Protocols.Json (1.0.4)
      Microsoft.AspNetCore.SignalR.Common (>= 1.0.4)
      Newtonsoft.Json (>= 11.0.2)
    Microsoft.AspNetCore.SignalR.Protocols.MessagePack (1.0.4)
      MessagePack (>= 1.7.3.4)
      Microsoft.AspNetCore.SignalR.Common (>= 1.0.4)
    Microsoft.AspNetCore.SpaServices (2.1.1)
      Microsoft.AspNetCore.Mvc.TagHelpers (>= 2.1.1)
      Microsoft.AspNetCore.Mvc.ViewFeatures (>= 2.1.1)
      Microsoft.AspNetCore.NodeServices (>= 2.1.1)
    Microsoft.AspNetCore.SpaServices.Extensions (2.1.1)
      Microsoft.AspNetCore.SpaServices (>= 2.1.1)
      Microsoft.AspNetCore.StaticFiles (>= 2.1.1)
      Microsoft.AspNetCore.WebSockets (>= 2.1.1)
      Microsoft.Extensions.FileProviders.Physical (>= 2.1.1)
    Microsoft.AspNetCore.StaticFiles (2.1.1)
      Microsoft.AspNetCore.Hosting.Abstractions (>= 2.1.1)
      Microsoft.AspNetCore.Http.Extensions (>= 2.1.1)
      Microsoft.Extensions.FileProviders.Abstractions (>= 2.1.1)
      Microsoft.Extensions.Logging.Abstractions (>= 2.1.1)
      Microsoft.Extensions.WebEncoders (>= 2.1.1)
    Microsoft.AspNetCore.WebSockets (2.1.1)
      Microsoft.AspNetCore.Http.Extensions (>= 2.1.1)
      Microsoft.Extensions.Options (>= 2.1.1)
      System.Net.WebSockets.WebSocketProtocol (>= 4.5.1)
    Microsoft.AspNetCore.WebUtilities (2.1.1)
      Microsoft.Net.Http.Headers (>= 2.1.1)
      System.Text.Encodings.Web (>= 4.5)
    Microsoft.Build.Framework (15.9.20)
      System.Runtime.Serialization.Primitives (>= 4.1.1)
      System.Threading.Thread (>= 4.0)
    Microsoft.Build.Utilities.Core (15.9.20)
      Microsoft.Build.Framework (>= 15.9.20)
      Microsoft.Win32.Registry (>= 4.3)
      System.Collections.Immutable (>= 1.5)
      System.Runtime.InteropServices.RuntimeInformation (>= 4.3)
      System.Text.Encoding.CodePages (>= 4.4)
    Microsoft.CodeAnalysis.Analyzers (2.6.2)
    Microsoft.CodeAnalysis.Common (2.10)
      Microsoft.CodeAnalysis.Analyzers (>= 2.6.1)
      System.AppContext (>= 4.3)
      System.Collections (>= 4.3)
      System.Collections.Concurrent (>= 4.3)
      System.Collections.Immutable (>= 1.5)
      System.Console (>= 4.3)
      System.Diagnostics.Debug (>= 4.3)
      System.Diagnostics.FileVersionInfo (>= 4.3)
      System.Diagnostics.StackTrace (>= 4.3)
      System.Diagnostics.Tools (>= 4.3)
      System.Dynamic.Runtime (>= 4.3)
      System.Globalization (>= 4.3)
      System.IO.Compression (>= 4.3)
      System.IO.FileSystem (>= 4.3)
      System.IO.FileSystem.Primitives (>= 4.3)
      System.Linq (>= 4.3)
      System.Linq.Expressions (>= 4.3)
      System.Reflection (>= 4.3)
      System.Reflection.Metadata (>= 1.6)
      System.Resources.ResourceManager (>= 4.3)
      System.Runtime (>= 4.3)
      System.Runtime.Extensions (>= 4.3)
      System.Runtime.InteropServices (>= 4.3)
      System.Runtime.Numerics (>= 4.3)
      System.Security.Cryptography.Algorithms (>= 4.3)
      System.Security.Cryptography.Encoding (>= 4.3)
      System.Security.Cryptography.X509Certificates (>= 4.3)
      System.Text.Encoding (>= 4.3)
      System.Text.Encoding.CodePages (>= 4.3)
      System.Text.Encoding.Extensions (>= 4.3)
      System.Threading (>= 4.3)
      System.Threading.Tasks (>= 4.3)
      System.Threading.Tasks.Extensions (>= 4.3)
      System.Threading.Tasks.Parallel (>= 4.3)
      System.Threading.Thread (>= 4.3)
      System.ValueTuple (>= 4.3)
      System.Xml.ReaderWriter (>= 4.3)
      System.Xml.XDocument (>= 4.3)
      System.Xml.XmlDocument (>= 4.3)
      System.Xml.XPath.XDocument (>= 4.3)
    Microsoft.CodeAnalysis.CSharp (2.10)
      Microsoft.CodeAnalysis.Common (2.10)
    Microsoft.CodeAnalysis.Razor (2.1.2)
      Microsoft.AspNetCore.Razor.Language (>= 2.1.2)
      Microsoft.CodeAnalysis.Common (>= 2.8)
      Microsoft.CodeAnalysis.CSharp (>= 2.8)
    Microsoft.CodeCoverage (15.9) - restriction: || (== netcoreapp2.1) (&& (== netstandard2.0) (>= net45)) (&& (== netstandard2.0) (>= netcoreapp1.0))
    Microsoft.CSharp (4.5)
    Microsoft.DotNet.InternalAbstractions (1.0) - restriction: || (== netcoreapp2.1) (&& (== netstandard2.0) (>= netcoreapp1.0))
      System.AppContext (>= 4.1)
      System.Collections (>= 4.0.11)
      System.IO (>= 4.1)
      System.IO.FileSystem (>= 4.0.1)
      System.Reflection.TypeExtensions (>= 4.1)
      System.Runtime.Extensions (>= 4.1)
      System.Runtime.InteropServices (>= 4.1)
      System.Runtime.InteropServices.RuntimeInformation (>= 4.0)
    Microsoft.DotNet.PlatformAbstractions (2.1) - restriction: || (== netcoreapp2.1) (&& (== netstandard2.0) (>= netcoreapp2.0))
      System.AppContext (>= 4.1)
      System.Collections (>= 4.0.11)
      System.IO (>= 4.1)
      System.IO.FileSystem (>= 4.0.1)
      System.Reflection.TypeExtensions (>= 4.1)
      System.Runtime.Extensions (>= 4.1)
      System.Runtime.InteropServices (>= 4.1)
      System.Runtime.InteropServices.RuntimeInformation (>= 4.0)
    Microsoft.Extensions.Caching.Abstractions (2.1.2)
      Microsoft.Extensions.Primitives (>= 2.1.1)
    Microsoft.Extensions.Caching.Memory (2.1.2)
      Microsoft.Extensions.Caching.Abstractions (>= 2.1.2)
      Microsoft.Extensions.DependencyInjection.Abstractions (>= 2.1.1)
      Microsoft.Extensions.Options (>= 2.1.1)
    Microsoft.Extensions.CommandLineUtils (1.1.1) - restriction: || (== netcoreapp2.1) (&& (== netstandard2.0) (>= netcoreapp2.1))
      NETStandard.Library (>= 1.6.1)
    Microsoft.Extensions.Configuration (2.1.1)
      Microsoft.Extensions.Configuration.Abstractions (>= 2.1.1)
    Microsoft.Extensions.Configuration.Abstractions (2.1.1)
      Microsoft.Extensions.Primitives (>= 2.1.1)
    Microsoft.Extensions.Configuration.Binder (2.1.1)
      Microsoft.Extensions.Configuration (>= 2.1.1)
    Microsoft.Extensions.Configuration.CommandLine (2.1.1)
      Microsoft.Extensions.Configuration (>= 2.1.1)
    Microsoft.Extensions.Configuration.EnvironmentVariables (2.1.1)
      Microsoft.Extensions.Configuration (>= 2.1.1)
    Microsoft.Extensions.Configuration.FileExtensions (2.1.1)
      Microsoft.Extensions.Configuration (>= 2.1.1)
      Microsoft.Extensions.FileProviders.Physical (>= 2.1.1)
    Microsoft.Extensions.Configuration.Json (2.1.1)
      Microsoft.Extensions.Configuration (>= 2.1.1)
      Microsoft.Extensions.Configuration.FileExtensions (>= 2.1.1)
      Newtonsoft.Json (>= 11.0.2)
    Microsoft.Extensions.Configuration.UserSecrets (2.1.1)
      Microsoft.Extensions.Configuration.Json (>= 2.1.1)
    Microsoft.Extensions.DependencyInjection (2.1.1)
      Microsoft.Extensions.DependencyInjection.Abstractions (>= 2.1.1)
    Microsoft.Extensions.DependencyInjection.Abstractions (2.1.1)
    Microsoft.Extensions.DependencyModel (2.1)
      Microsoft.DotNet.PlatformAbstractions (>= 2.1)
      Newtonsoft.Json (>= 9.0.1)
      System.Diagnostics.Debug (>= 4.0.11)
      System.Dynamic.Runtime (>= 4.0.11)
      System.Linq (>= 4.1)
    Microsoft.Extensions.FileProviders.Abstractions (2.1.1)
      Microsoft.Extensions.Primitives (>= 2.1.1)
    Microsoft.Extensions.FileProviders.Composite (2.1.1)
      Microsoft.Extensions.FileProviders.Abstractions (>= 2.1.1)
    Microsoft.Extensions.FileProviders.Physical (2.1.1)
      Microsoft.Extensions.FileProviders.Abstractions (>= 2.1.1)
      Microsoft.Extensions.FileSystemGlobbing (>= 2.1.1)
    Microsoft.Extensions.FileSystemGlobbing (2.1.1)
    Microsoft.Extensions.Hosting.Abstractions (2.1.1)
      Microsoft.Extensions.Configuration.Abstractions (>= 2.1.1)
      Microsoft.Extensions.DependencyInjection.Abstractions (>= 2.1.1)
      Microsoft.Extensions.FileProviders.Abstractions (>= 2.1.1)
      Microsoft.Extensions.Logging.Abstractions (>= 2.1.1)
    Microsoft.Extensions.Localization (2.1.1)
      Microsoft.Extensions.DependencyInjection.Abstractions (>= 2.1.1)
      Microsoft.Extensions.Localization.Abstractions (>= 2.1.1)
      Microsoft.Extensions.Logging.Abstractions (>= 2.1.1)
      Microsoft.Extensions.Options (>= 2.1.1)
    Microsoft.Extensions.Localization.Abstractions (2.1.1)
    Microsoft.Extensions.Logging (2.1.1)
      Microsoft.Extensions.Configuration.Binder (>= 2.1.1)
      Microsoft.Extensions.DependencyInjection.Abstractions (>= 2.1.1)
      Microsoft.Extensions.Logging.Abstractions (>= 2.1.1)
      Microsoft.Extensions.Options (>= 2.1.1)
    Microsoft.Extensions.Logging.Abstractions (2.1.1)
    Microsoft.Extensions.Logging.Configuration (2.1.1)
      Microsoft.Extensions.Logging (>= 2.1.1)
      Microsoft.Extensions.Options.ConfigurationExtensions (>= 2.1.1)
    Microsoft.Extensions.Logging.Console (2.1.1)
      Microsoft.Extensions.Configuration.Abstractions (>= 2.1.1)
      Microsoft.Extensions.Logging (>= 2.1.1)
      Microsoft.Extensions.Logging.Configuration (>= 2.1.1)
    Microsoft.Extensions.Logging.Debug (2.1.1)
      Microsoft.Extensions.Logging (>= 2.1.1)
    Microsoft.Extensions.ObjectPool (2.1.6)
    Microsoft.Extensions.Options (2.1.1)
      Microsoft.Extensions.DependencyInjection.Abstractions (>= 2.1.1)
      Microsoft.Extensions.Primitives (>= 2.1.1)
    Microsoft.Extensions.Options.ConfigurationExtensions (2.1.1)
      Microsoft.Extensions.Configuration.Abstractions (>= 2.1.1)
      Microsoft.Extensions.Configuration.Binder (>= 2.1.1)
      Microsoft.Extensions.DependencyInjection.Abstractions (>= 2.1.1)
      Microsoft.Extensions.Options (>= 2.1.1)
    Microsoft.Extensions.Primitives (2.1.6)
      System.Memory (>= 4.5.1)
      System.Runtime.CompilerServices.Unsafe (>= 4.5.2)
    Microsoft.Extensions.WebEncoders (2.1.1)
      Microsoft.Extensions.DependencyInjection.Abstractions (>= 2.1.1)
      Microsoft.Extensions.Options (>= 2.1.1)
      System.Text.Encodings.Web (>= 4.5)
    Microsoft.JSInterop (0.7)
    Microsoft.Net.Http.Headers (2.1.1)
      Microsoft.Extensions.Primitives (>= 2.1.1)
      System.Buffers (>= 4.5)
    Microsoft.NET.Test.Sdk (15.8)
      Microsoft.CodeCoverage (>= 15.8) - restriction: || (== netcoreapp2.1) (&& (== netstandard2.0) (>= net45)) (&& (== netstandard2.0) (>= netcoreapp1.0))
      Microsoft.TestPlatform.TestHost (>= 15.8) - restriction: || (== netcoreapp2.1) (&& (== netstandard2.0) (>= netcoreapp1.0))
    Microsoft.NETCore.App (2.1.6) - restriction: || (== netcoreapp2.1) (&& (== netstandard2.0) (>= netcoreapp2.1))
      Microsoft.NETCore.DotNetHostPolicy (>= 2.1.6) - restriction: || (== netcoreapp2.1) (&& (== netstandard2.0) (>= netcoreapp2.1))
      Microsoft.NETCore.Platforms (>= 2.1.2) - restriction: || (== netcoreapp2.1) (&& (== netstandard2.0) (>= netcoreapp2.1))
      Microsoft.NETCore.Targets (>= 2.0) - restriction: || (== netcoreapp2.1) (&& (== netstandard2.0) (>= netcoreapp2.1))
      NETStandard.Library (>= 2.0.3) - restriction: || (== netcoreapp2.1) (&& (== netstandard2.0) (>= netcoreapp2.1))
    Microsoft.NETCore.DotNetAppHost (2.1.6) - restriction: || (== netcoreapp2.1) (&& (== netstandard2.0) (>= netcoreapp2.1))
    Microsoft.NETCore.DotNetHostPolicy (2.1.6) - restriction: || (== netcoreapp2.1) (&& (== netstandard2.0) (>= netcoreapp2.1))
      Microsoft.NETCore.DotNetHostResolver (>= 2.1.6)
    Microsoft.NETCore.DotNetHostResolver (2.1.6) - restriction: || (== netcoreapp2.1) (&& (== netstandard2.0) (>= netcoreapp2.1))
      Microsoft.NETCore.DotNetAppHost (>= 2.1.6)
    Microsoft.NETCore.Platforms (2.1.2)
    Microsoft.NETCore.Targets (2.1)
    Microsoft.TestPlatform.ObjectModel (15.9) - restriction: || (== netcoreapp2.1) (&& (== netstandard2.0) (>= netcoreapp1.0))
      NETStandard.Library (>= 1.6)
      System.ComponentModel.EventBasedAsync (>= 4.0.11)
      System.ComponentModel.TypeConverter (>= 4.1)
      System.Diagnostics.Process (>= 4.1)
      System.Diagnostics.TextWriterTraceListener (>= 4.0)
      System.Diagnostics.TraceSource (>= 4.0)
      System.Reflection.Metadata (>= 1.3)
      System.Reflection.TypeExtensions (>= 4.1)
      System.Runtime.InteropServices.RuntimeInformation (>= 4.0)
      System.Runtime.Loader (>= 4.0)
      System.Runtime.Serialization.Json (>= 4.0.2)
      System.Runtime.Serialization.Primitives (>= 4.1.1)
      System.Threading.Thread (>= 4.0)
      System.Xml.XPath.XmlDocument (>= 4.0.1)
    Microsoft.TestPlatform.TestHost (15.9) - restriction: || (== netcoreapp2.1) (&& (== netstandard2.0) (>= netcoreapp1.0))
      Microsoft.Extensions.DependencyModel (>= 1.0.3) - restriction: || (== netcoreapp2.1) (&& (== netstandard2.0) (>= netcoreapp1.0))
      Microsoft.TestPlatform.ObjectModel (>= 15.9) - restriction: || (== netcoreapp2.1) (&& (== netstandard2.0) (>= netcoreapp1.0)) (&& (== netstandard2.0) (>= uap10.0))
      Newtonsoft.Json (>= 9.0.1) - restriction: || (== netcoreapp2.1) (&& (== netstandard2.0) (>= netcoreapp1.0)) (&& (== netstandard2.0) (>= uap10.0))
    Microsoft.Win32.Primitives (4.3) - restriction: || (== netcoreapp2.1) (&& (== netstandard2.0) (>= netcoreapp1.0))
      Microsoft.NETCore.Platforms (>= 1.1)
      Microsoft.NETCore.Targets (>= 1.1)
      System.Runtime (>= 4.3)
    Microsoft.Win32.Registry (4.5)
      System.Buffers (>= 4.4) - restriction: || (&& (== netcoreapp2.1) (>= monoandroid) (< netstandard2.0)) (&& (== netcoreapp2.1) (>= monotouch)) (&& (== netcoreapp2.1) (< netcoreapp2.0)) (&& (== netcoreapp2.1) (>= xamarinios)) (&& (== netcoreapp2.1) (>= xamarinmac)) (&& (== netcoreapp2.1) (>= xamarintvos)) (&& (== netcoreapp2.1) (>= xamarinwatchos)) (== netstandard2.0)
      System.Memory (>= 4.5) - restriction: || (&& (== netcoreapp2.1) (< netcoreapp2.0)) (&& (== netcoreapp2.1) (>= uap10.1)) (== netstandard2.0)
      System.Security.AccessControl (>= 4.5)
      System.Security.Principal.Windows (>= 4.5)
    Mono.Cecil (0.10.1)
      System.Collections (>= 4.0.11)
      System.IO.FileSystem (>= 4.0.1)
      System.IO.FileSystem.Primitives (>= 4.0.1)
      System.Reflection (>= 4.1)
      System.Runtime.Extensions (>= 4.1)
      System.Security.Cryptography.Algorithms (>= 4.2)
      System.Security.Cryptography.Csp (>= 4.0)
      System.Threading (>= 4.0.11)
    Mono.WebAssembly.Interop (0.7)
      Microsoft.JSInterop (>= 0.7)
    NETStandard.Library (2.0.3)
      Microsoft.NETCore.Platforms (>= 1.1)
    Newtonsoft.Json (12.0.1)
    Newtonsoft.Json.Bson (1.0.2)
      Newtonsoft.Json (>= 12.0.1)
    NUnit (3.11)
      NETStandard.Library (>= 2.0)
    NUnit3TestAdapter (3.11.2)
      Microsoft.DotNet.InternalAbstractions (>= 1.0) - restriction: || (== netcoreapp2.1) (&& (== netstandard2.0) (>= netcoreapp1.0))
      System.ComponentModel.EventBasedAsync (>= 4.3) - restriction: || (== netcoreapp2.1) (&& (== netstandard2.0) (>= netcoreapp1.0))
      System.ComponentModel.TypeConverter (>= 4.3) - restriction: || (== netcoreapp2.1) (&& (== netstandard2.0) (>= netcoreapp1.0))
      System.Diagnostics.Process (>= 4.3) - restriction: || (== netcoreapp2.1) (&& (== netstandard2.0) (>= netcoreapp1.0))
      System.Reflection (>= 4.3) - restriction: || (== netcoreapp2.1) (&& (== netstandard2.0) (>= netcoreapp1.0))
      System.Runtime.InteropServices.RuntimeInformation (>= 4.3) - restriction: || (== netcoreapp2.1) (&& (== netstandard2.0) (>= netcoreapp1.0))
      System.Threading.Thread (>= 4.3) - restriction: || (== netcoreapp2.1) (&& (== netstandard2.0) (>= netcoreapp1.0))
      System.Xml.XmlDocument (>= 4.3) - restriction: || (== netcoreapp2.1) (&& (== netstandard2.0) (>= netcoreapp1.0))
      System.Xml.XPath.XmlDocument (>= 4.3) - restriction: || (== netcoreapp2.1) (&& (== netstandard2.0) (>= netcoreapp1.0))
    Paket.Core (5.193) - restriction: || (== netcoreapp2.1) (&& (== netstandard2.0) (>= netcoreapp2.0))
      Chessie (>= 0.6)
      Mono.Cecil (>= 0.10.0-beta6)
      Newtonsoft.Json (>= 10.0.3)
      System.Net.Http.WinHttpHandler (>= 4.5)
      System.Security.Cryptography.ProtectedData (>= 4.4)
    runtime.debian.8-x64.runtime.native.System.Security.Cryptography.OpenSsl (4.3.3)
    runtime.debian.9-x64.runtime.native.System.Security.Cryptography.OpenSsl (4.3.3)
    runtime.fedora.23-x64.runtime.native.System.Security.Cryptography.OpenSsl (4.3.3)
    runtime.fedora.24-x64.runtime.native.System.Security.Cryptography.OpenSsl (4.3.3)
    runtime.fedora.27-x64.runtime.native.System.Security.Cryptography.OpenSsl (4.3.3)
    runtime.fedora.28-x64.runtime.native.System.Security.Cryptography.OpenSsl (4.3.3)
    runtime.native.System (4.3.1)
      Microsoft.NETCore.Platforms (>= 1.1.1)
      Microsoft.NETCore.Targets (>= 1.1.3)
    runtime.native.System.IO.Compression (4.3.2)
      Microsoft.NETCore.Platforms (>= 1.1.1)
      Microsoft.NETCore.Targets (>= 1.1.3)
    runtime.native.System.Net.Http (4.3.1)
      Microsoft.NETCore.Platforms (>= 1.1.1)
      Microsoft.NETCore.Targets (>= 1.1.3)
    runtime.native.System.Security.Cryptography.Apple (4.3.1)
      runtime.osx.10.10-x64.runtime.native.System.Security.Cryptography.Apple (>= 4.3.1)
    runtime.native.System.Security.Cryptography.OpenSsl (4.3.3)
      runtime.debian.8-x64.runtime.native.System.Security.Cryptography.OpenSsl (>= 4.3.3)
      runtime.debian.9-x64.runtime.native.System.Security.Cryptography.OpenSsl (>= 4.3.3)
      runtime.fedora.23-x64.runtime.native.System.Security.Cryptography.OpenSsl (>= 4.3.3)
      runtime.fedora.24-x64.runtime.native.System.Security.Cryptography.OpenSsl (>= 4.3.3)
      runtime.fedora.27-x64.runtime.native.System.Security.Cryptography.OpenSsl (>= 4.3.3)
      runtime.fedora.28-x64.runtime.native.System.Security.Cryptography.OpenSsl (>= 4.3.3)
      runtime.opensuse.13.2-x64.runtime.native.System.Security.Cryptography.OpenSsl (>= 4.3.3)
      runtime.opensuse.42.1-x64.runtime.native.System.Security.Cryptography.OpenSsl (>= 4.3.3)
      runtime.opensuse.42.3-x64.runtime.native.System.Security.Cryptography.OpenSsl (>= 4.3.3)
      runtime.osx.10.10-x64.runtime.native.System.Security.Cryptography.OpenSsl (>= 4.3.3)
      runtime.rhel.7-x64.runtime.native.System.Security.Cryptography.OpenSsl (>= 4.3.3)
      runtime.ubuntu.14.04-x64.runtime.native.System.Security.Cryptography.OpenSsl (>= 4.3.3)
      runtime.ubuntu.16.04-x64.runtime.native.System.Security.Cryptography.OpenSsl (>= 4.3.3)
      runtime.ubuntu.16.10-x64.runtime.native.System.Security.Cryptography.OpenSsl (>= 4.3.3)
      runtime.ubuntu.18.04-x64.runtime.native.System.Security.Cryptography.OpenSsl (>= 4.3.3)
    runtime.opensuse.13.2-x64.runtime.native.System.Security.Cryptography.OpenSsl (4.3.3)
    runtime.opensuse.42.1-x64.runtime.native.System.Security.Cryptography.OpenSsl (4.3.3)
    runtime.opensuse.42.3-x64.runtime.native.System.Security.Cryptography.OpenSsl (4.3.3)
    runtime.osx.10.10-x64.runtime.native.System.Security.Cryptography.Apple (4.3.1)
    runtime.osx.10.10-x64.runtime.native.System.Security.Cryptography.OpenSsl (4.3.3)
    runtime.rhel.7-x64.runtime.native.System.Security.Cryptography.OpenSsl (4.3.3)
    runtime.ubuntu.14.04-x64.runtime.native.System.Security.Cryptography.OpenSsl (4.3.3)
    runtime.ubuntu.16.04-x64.runtime.native.System.Security.Cryptography.OpenSsl (4.3.3)
    runtime.ubuntu.16.10-x64.runtime.native.System.Security.Cryptography.OpenSsl (4.3.3)
    runtime.ubuntu.18.04-x64.runtime.native.System.Security.Cryptography.OpenSsl (4.3.3)
    Selenium.Support (3.141)
      Selenium.WebDriver (>= 3.141)
    Selenium.WebDriver (3.141)
      Newtonsoft.Json (>= 10.0.3)
    Selenium.WebDriver.ChromeDriver (2.44)
    System.AppContext (4.3)
      System.Runtime (>= 4.3)
    System.Buffers (4.5)
    System.Collections (4.3)
      Microsoft.NETCore.Platforms (>= 1.1)
      Microsoft.NETCore.Targets (>= 1.1)
      System.Runtime (>= 4.3)
    System.Collections.Concurrent (4.3)
      System.Collections (>= 4.3)
      System.Diagnostics.Debug (>= 4.3)
      System.Diagnostics.Tracing (>= 4.3)
      System.Globalization (>= 4.3)
      System.Reflection (>= 4.3)
      System.Resources.ResourceManager (>= 4.3)
      System.Runtime (>= 4.3)
      System.Runtime.Extensions (>= 4.3)
      System.Threading (>= 4.3)
      System.Threading.Tasks (>= 4.3)
    System.Collections.Immutable (1.5)
    System.Collections.NonGeneric (4.3) - restriction: || (== netcoreapp2.1) (&& (== netstandard2.0) (>= netcoreapp1.0))
      System.Diagnostics.Debug (>= 4.3)
      System.Globalization (>= 4.3)
      System.Resources.ResourceManager (>= 4.3)
      System.Runtime (>= 4.3)
      System.Runtime.Extensions (>= 4.3)
      System.Threading (>= 4.3)
    System.Collections.Specialized (4.3) - restriction: || (== netcoreapp2.1) (&& (== netstandard2.0) (>= netcoreapp1.0))
      System.Collections.NonGeneric (>= 4.3)
      System.Globalization (>= 4.3)
      System.Globalization.Extensions (>= 4.3)
      System.Resources.ResourceManager (>= 4.3)
      System.Runtime (>= 4.3)
      System.Runtime.Extensions (>= 4.3)
      System.Threading (>= 4.3)
    System.ComponentModel (4.3) - restriction: || (== netcoreapp2.1) (&& (== netstandard2.0) (>= netcoreapp1.0))
      System.Runtime (>= 4.3)
    System.ComponentModel.Annotations (4.5)
    System.ComponentModel.EventBasedAsync (4.3) - restriction: || (== netcoreapp2.1) (&& (== netstandard2.0) (>= netcoreapp1.0))
      System.Resources.ResourceManager (>= 4.3)
      System.Runtime (>= 4.3)
      System.Threading (>= 4.3)
      System.Threading.Tasks (>= 4.3)
    System.ComponentModel.Primitives (4.3) - restriction: || (== netcoreapp2.1) (&& (== netstandard2.0) (>= netcoreapp1.0))
      System.ComponentModel (>= 4.3)
      System.Resources.ResourceManager (>= 4.3)
      System.Runtime (>= 4.3)
    System.ComponentModel.TypeConverter (4.3) - restriction: || (== netcoreapp2.1) (&& (== netstandard2.0) (>= netcoreapp1.0))
      System.Collections (>= 4.3)
      System.Collections.NonGeneric (>= 4.3)
      System.Collections.Specialized (>= 4.3)
      System.ComponentModel (>= 4.3)
      System.ComponentModel.Primitives (>= 4.3)
      System.Globalization (>= 4.3)
      System.Linq (>= 4.3)
      System.Reflection (>= 4.3)
      System.Reflection.Extensions (>= 4.3)
      System.Reflection.Primitives (>= 4.3)
      System.Reflection.TypeExtensions (>= 4.3)
      System.Resources.ResourceManager (>= 4.3)
      System.Runtime (>= 4.3)
      System.Runtime.Extensions (>= 4.3)
      System.Threading (>= 4.3)
    System.Console (4.3.1)
      Microsoft.NETCore.Platforms (>= 1.1)
      Microsoft.NETCore.Targets (>= 1.1.2)
      System.IO (>= 4.3)
      System.Runtime (>= 4.3)
      System.Text.Encoding (>= 4.3)
    System.Diagnostics.Debug (4.3)
      Microsoft.NETCore.Platforms (>= 1.1)
      Microsoft.NETCore.Targets (>= 1.1)
      System.Runtime (>= 4.3)
    System.Diagnostics.DiagnosticSource (4.5.1)
    System.Diagnostics.FileVersionInfo (4.3)
      Microsoft.NETCore.Platforms (>= 1.1)
      System.Globalization (>= 4.3)
      System.IO (>= 4.3)
      System.IO.FileSystem (>= 4.3)
      System.IO.FileSystem.Primitives (>= 4.3)
      System.Reflection.Metadata (>= 1.4.1)
      System.Runtime (>= 4.3)
      System.Runtime.Extensions (>= 4.3)
      System.Runtime.InteropServices (>= 4.3)
    System.Diagnostics.Process (4.3) - restriction: || (== netcoreapp2.1) (&& (== netstandard2.0) (>= netcoreapp1.0))
      Microsoft.NETCore.Platforms (>= 1.1)
      Microsoft.Win32.Primitives (>= 4.3)
      Microsoft.Win32.Registry (>= 4.3)
      runtime.native.System (>= 4.3)
      System.Collections (>= 4.3)
      System.Diagnostics.Debug (>= 4.3)
      System.Globalization (>= 4.3)
      System.IO (>= 4.3)
      System.IO.FileSystem (>= 4.3)
      System.IO.FileSystem.Primitives (>= 4.3)
      System.Resources.ResourceManager (>= 4.3)
      System.Runtime (>= 4.3)
      System.Runtime.Extensions (>= 4.3)
      System.Runtime.Handles (>= 4.3)
      System.Runtime.InteropServices (>= 4.3)
      System.Text.Encoding (>= 4.3)
      System.Text.Encoding.Extensions (>= 4.3)
      System.Threading (>= 4.3)
      System.Threading.Tasks (>= 4.3)
      System.Threading.Thread (>= 4.3)
      System.Threading.ThreadPool (>= 4.3)
    System.Diagnostics.StackTrace (4.3)
      System.IO.FileSystem (>= 4.3)
      System.Reflection (>= 4.3)
      System.Reflection.Metadata (>= 1.4.1)
      System.Runtime (>= 4.3)
    System.Diagnostics.TextWriterTraceListener (4.3) - restriction: || (== netcoreapp2.1) (&& (== netstandard2.0) (>= netcoreapp1.0))
      System.Diagnostics.TraceSource (>= 4.3)
      System.Globalization (>= 4.3)
      System.IO (>= 4.3)
      System.Resources.ResourceManager (>= 4.3)
      System.Runtime (>= 4.3)
      System.Threading (>= 4.3)
    System.Diagnostics.Tools (4.3)
      Microsoft.NETCore.Platforms (>= 1.1)
      Microsoft.NETCore.Targets (>= 1.1)
      System.Runtime (>= 4.3)
    System.Diagnostics.TraceSource (4.3) - restriction: || (== netcoreapp2.1) (&& (== netstandard2.0) (>= netcoreapp1.0)) (&& (== netstandard2.0) (>= netcoreapp2.0))
      Microsoft.NETCore.Platforms (>= 1.1)
      runtime.native.System (>= 4.3)
      System.Collections (>= 4.3)
      System.Diagnostics.Debug (>= 4.3)
      System.Globalization (>= 4.3)
      System.Resources.ResourceManager (>= 4.3)
      System.Runtime (>= 4.3)
      System.Runtime.Extensions (>= 4.3)
      System.Threading (>= 4.3)
    System.Diagnostics.Tracing (4.3)
      Microsoft.NETCore.Platforms (>= 1.1)
      Microsoft.NETCore.Targets (>= 1.1)
      System.Runtime (>= 4.3)
    System.Dynamic.Runtime (4.3)
      System.Collections (>= 4.3)
      System.Diagnostics.Debug (>= 4.3)
      System.Linq (>= 4.3)
      System.Linq.Expressions (>= 4.3)
      System.ObjectModel (>= 4.3)
      System.Reflection (>= 4.3)
      System.Reflection.Emit (>= 4.3)
      System.Reflection.Emit.ILGeneration (>= 4.3)
      System.Reflection.Primitives (>= 4.3)
      System.Reflection.TypeExtensions (>= 4.3)
      System.Resources.ResourceManager (>= 4.3)
      System.Runtime (>= 4.3)
      System.Runtime.Extensions (>= 4.3)
      System.Threading (>= 4.3)
    System.Globalization (4.3)
      Microsoft.NETCore.Platforms (>= 1.1)
      Microsoft.NETCore.Targets (>= 1.1)
      System.Runtime (>= 4.3)
    System.Globalization.Calendars (4.3)
      Microsoft.NETCore.Platforms (>= 1.1)
      Microsoft.NETCore.Targets (>= 1.1)
      System.Globalization (>= 4.3)
      System.Runtime (>= 4.3)
    System.Globalization.Extensions (4.3)
      Microsoft.NETCore.Platforms (>= 1.1)
      System.Globalization (>= 4.3)
      System.Resources.ResourceManager (>= 4.3)
      System.Runtime (>= 4.3)
      System.Runtime.Extensions (>= 4.3)
      System.Runtime.InteropServices (>= 4.3)
    System.IO (4.3)
      Microsoft.NETCore.Platforms (>= 1.1)
      Microsoft.NETCore.Targets (>= 1.1)
      System.Runtime (>= 4.3)
      System.Text.Encoding (>= 4.3)
      System.Threading.Tasks (>= 4.3)
    System.IO.Compression (4.3)
      Microsoft.NETCore.Platforms (>= 1.1)
      runtime.native.System (>= 4.3)
      runtime.native.System.IO.Compression (>= 4.3)
      System.Buffers (>= 4.3)
      System.Collections (>= 4.3)
      System.Diagnostics.Debug (>= 4.3)
      System.IO (>= 4.3)
      System.Resources.ResourceManager (>= 4.3)
      System.Runtime (>= 4.3)
      System.Runtime.Extensions (>= 4.3)
      System.Runtime.Handles (>= 4.3)
      System.Runtime.InteropServices (>= 4.3)
      System.Text.Encoding (>= 4.3)
      System.Threading (>= 4.3)
      System.Threading.Tasks (>= 4.3)
    System.IO.FileSystem (4.3)
      Microsoft.NETCore.Platforms (>= 1.1)
      Microsoft.NETCore.Targets (>= 1.1)
      System.IO (>= 4.3)
      System.IO.FileSystem.Primitives (>= 4.3)
      System.Runtime (>= 4.3)
      System.Runtime.Handles (>= 4.3)
      System.Text.Encoding (>= 4.3)
      System.Threading.Tasks (>= 4.3)
    System.IO.FileSystem.Primitives (4.3)
      System.Runtime (>= 4.3)
    System.IO.Pipelines (4.5.2)
      System.Buffers (>= 4.4) - restriction: || (&& (== netcoreapp2.1) (>= monotouch)) (&& (== netcoreapp2.1) (>= net46)) (&& (== netcoreapp2.1) (< netcoreapp2.0)) (&& (== netcoreapp2.1) (< netstandard2.0)) (&& (== netcoreapp2.1) (>= xamarinios)) (&& (== netcoreapp2.1) (>= xamarinmac)) (&& (== netcoreapp2.1) (>= xamarintvos)) (&& (== netcoreapp2.1) (>= xamarinwatchos)) (== netstandard2.0)
      System.Memory (>= 4.5.1) - restriction: || (&& (== netcoreapp2.1) (>= monotouch)) (&& (== netcoreapp2.1) (>= net46)) (&& (== netcoreapp2.1) (< netcoreapp2.0)) (&& (== netcoreapp2.1) (< netstandard2.0)) (&& (== netcoreapp2.1) (>= uap10.1)) (&& (== netcoreapp2.1) (>= xamarinios)) (&& (== netcoreapp2.1) (>= xamarinmac)) (&& (== netcoreapp2.1) (>= xamarintvos)) (&& (== netcoreapp2.1) (>= xamarinwatchos)) (== netstandard2.0)
      System.Threading.Tasks.Extensions (>= 4.5.1) - restriction: || (&& (== netcoreapp2.1) (>= net46)) (&& (== netcoreapp2.1) (< netcoreapp2.0)) (&& (== netcoreapp2.1) (< netstandard2.0)) (&& (== netcoreapp2.1) (>= uap10.1)) (== netstandard2.0)
    System.Linq (4.3)
      System.Collections (>= 4.3)
      System.Diagnostics.Debug (>= 4.3)
      System.Resources.ResourceManager (>= 4.3)
      System.Runtime (>= 4.3)
      System.Runtime.Extensions (>= 4.3)
    System.Linq.Expressions (4.3)
      System.Collections (>= 4.3)
      System.Diagnostics.Debug (>= 4.3)
      System.Globalization (>= 4.3)
      System.IO (>= 4.3)
      System.Linq (>= 4.3)
      System.ObjectModel (>= 4.3)
      System.Reflection (>= 4.3)
      System.Reflection.Emit (>= 4.3)
      System.Reflection.Emit.ILGeneration (>= 4.3)
      System.Reflection.Emit.Lightweight (>= 4.3)
      System.Reflection.Extensions (>= 4.3)
      System.Reflection.Primitives (>= 4.3)
      System.Reflection.TypeExtensions (>= 4.3)
      System.Resources.ResourceManager (>= 4.3)
      System.Runtime (>= 4.3)
      System.Runtime.Extensions (>= 4.3)
      System.Threading (>= 4.3)
    System.Memory (4.5.1)
      System.Buffers (>= 4.4) - restriction: || (&& (== netcoreapp2.1) (>= monotouch)) (&& (== netcoreapp2.1) (>= net461)) (&& (== netcoreapp2.1) (< netcoreapp2.0)) (&& (== netcoreapp2.1) (< netstandard1.1)) (&& (== netcoreapp2.1) (< netstandard2.0)) (&& (== netcoreapp2.1) (>= xamarinios)) (&& (== netcoreapp2.1) (>= xamarinmac)) (&& (== netcoreapp2.1) (>= xamarintvos)) (&& (== netcoreapp2.1) (>= xamarinwatchos)) (== netstandard2.0)
      System.Numerics.Vectors (>= 4.4) - restriction: || (&& (== netcoreapp2.1) (>= net461)) (&& (== netcoreapp2.1) (< netcoreapp2.0)) (== netstandard2.0)
      System.Runtime.CompilerServices.Unsafe (>= 4.5) - restriction: || (&& (== netcoreapp2.1) (>= monotouch)) (&& (== netcoreapp2.1) (>= net461)) (&& (== netcoreapp2.1) (< netcoreapp2.0)) (&& (== netcoreapp2.1) (< netstandard1.1)) (&& (== netcoreapp2.1) (< netstandard2.0)) (&& (== netcoreapp2.1) (>= uap10.1)) (&& (== netcoreapp2.1) (>= xamarinios)) (&& (== netcoreapp2.1) (>= xamarinmac)) (&& (== netcoreapp2.1) (>= xamarintvos)) (&& (== netcoreapp2.1) (>= xamarinwatchos)) (== netstandard2.0)
    System.Net.Http (4.3.4)
      Microsoft.NETCore.Platforms (>= 1.1.1)
      runtime.native.System (>= 4.3)
      runtime.native.System.Net.Http (>= 4.3)
      runtime.native.System.Security.Cryptography.OpenSsl (>= 4.3.2)
      System.Collections (>= 4.3)
      System.Diagnostics.Debug (>= 4.3)
      System.Diagnostics.DiagnosticSource (>= 4.3)
      System.Diagnostics.Tracing (>= 4.3)
      System.Globalization (>= 4.3)
      System.Globalization.Extensions (>= 4.3)
      System.IO (>= 4.3)
      System.IO.FileSystem (>= 4.3)
      System.Net.Primitives (>= 4.3)
      System.Resources.ResourceManager (>= 4.3)
      System.Runtime (>= 4.3)
      System.Runtime.Extensions (>= 4.3)
      System.Runtime.Handles (>= 4.3)
      System.Runtime.InteropServices (>= 4.3)
      System.Security.Cryptography.Algorithms (>= 4.3)
      System.Security.Cryptography.Encoding (>= 4.3)
      System.Security.Cryptography.OpenSsl (>= 4.3)
      System.Security.Cryptography.Primitives (>= 4.3)
      System.Security.Cryptography.X509Certificates (>= 4.3)
      System.Text.Encoding (>= 4.3)
      System.Threading (>= 4.3)
      System.Threading.Tasks (>= 4.3)
    System.Net.Http.WinHttpHandler (4.5.1) - restriction: || (== netcoreapp2.1) (&& (== netstandard2.0) (>= netcoreapp2.0))
    System.Net.Primitives (4.3)
      Microsoft.NETCore.Platforms (>= 1.1)
      Microsoft.NETCore.Targets (>= 1.1)
      System.Runtime (>= 4.3)
      System.Runtime.Handles (>= 4.3)
    System.Net.WebSockets.WebSocketProtocol (4.5.2)
      System.Buffers (>= 4.4) - restriction: || (&& (== netcoreapp2.1) (>= monoandroid) (< netstandard2.0)) (&& (== netcoreapp2.1) (>= monotouch)) (&& (== netcoreapp2.1) (< netcoreapp2.0)) (&& (== netcoreapp2.1) (>= xamarinios)) (&& (== netcoreapp2.1) (>= xamarinmac)) (&& (== netcoreapp2.1) (>= xamarintvos)) (&& (== netcoreapp2.1) (>= xamarinwatchos)) (== netstandard2.0)
      System.Memory (>= 4.5.1) - restriction: || (&& (== netcoreapp2.1) (>= monoandroid) (< netstandard2.0)) (&& (== netcoreapp2.1) (>= monotouch)) (&& (== netcoreapp2.1) (< netcoreapp2.0)) (&& (== netcoreapp2.1) (>= uap10.1)) (&& (== netcoreapp2.1) (>= xamarinios)) (&& (== netcoreapp2.1) (>= xamarinmac)) (&& (== netcoreapp2.1) (>= xamarintvos)) (&& (== netcoreapp2.1) (>= xamarinwatchos)) (== netstandard2.0)
      System.Numerics.Vectors (>= 4.4) - restriction: || (&& (== netcoreapp2.1) (< netcoreapp2.0)) (== netstandard2.0)
      System.Runtime.CompilerServices.Unsafe (>= 4.5.2) - restriction: || (&& (== netcoreapp2.1) (>= monoandroid) (< netstandard2.0)) (&& (== netcoreapp2.1) (>= monotouch)) (&& (== netcoreapp2.1) (< netcoreapp2.0)) (&& (== netcoreapp2.1) (>= uap10.1)) (&& (== netcoreapp2.1) (>= xamarinios)) (&& (== netcoreapp2.1) (>= xamarinmac)) (&& (== netcoreapp2.1) (>= xamarintvos)) (&& (== netcoreapp2.1) (>= xamarinwatchos)) (== netstandard2.0)
      System.Threading.Tasks.Extensions (>= 4.5.1) - restriction: || (&& (== netcoreapp2.1) (< netcoreapp2.0)) (&& (== netcoreapp2.1) (>= uap10.1)) (== netstandard2.0)
    System.Numerics.Vectors (4.5)
    System.ObjectModel (4.3) - restriction: || (== netcoreapp2.1) (&& (== netstandard2.0) (>= netcoreapp1.0))
      System.Collections (>= 4.3)
      System.Diagnostics.Debug (>= 4.3)
      System.Resources.ResourceManager (>= 4.3)
      System.Runtime (>= 4.3)
      System.Threading (>= 4.3)
    System.Private.DataContractSerialization (4.3) - restriction: || (== netcoreapp2.1) (&& (== netstandard2.0) (>= netcoreapp1.0))
      System.Collections (>= 4.3)
      System.Collections.Concurrent (>= 4.3)
      System.Diagnostics.Debug (>= 4.3)
      System.Globalization (>= 4.3)
      System.IO (>= 4.3)
      System.Linq (>= 4.3)
      System.Reflection (>= 4.3)
      System.Reflection.Emit.ILGeneration (>= 4.3)
      System.Reflection.Emit.Lightweight (>= 4.3)
      System.Reflection.Extensions (>= 4.3)
      System.Reflection.Primitives (>= 4.3)
      System.Reflection.TypeExtensions (>= 4.3)
      System.Resources.ResourceManager (>= 4.3)
      System.Runtime (>= 4.3)
      System.Runtime.Extensions (>= 4.3)
      System.Runtime.Serialization.Primitives (>= 4.3)
      System.Text.Encoding (>= 4.3)
      System.Text.Encoding.Extensions (>= 4.3)
      System.Text.RegularExpressions (>= 4.3)
      System.Threading (>= 4.3)
      System.Threading.Tasks (>= 4.3)
      System.Xml.ReaderWriter (>= 4.3)
      System.Xml.XDocument (>= 4.3)
      System.Xml.XmlDocument (>= 4.3)
      System.Xml.XmlSerializer (>= 4.3)
    System.Reflection (4.3)
      Microsoft.NETCore.Platforms (>= 1.1)
      Microsoft.NETCore.Targets (>= 1.1)
      System.IO (>= 4.3)
      System.Reflection.Primitives (>= 4.3)
      System.Runtime (>= 4.3)
    System.Reflection.Emit (4.3)
      System.IO (>= 4.3)
      System.Reflection (>= 4.3)
      System.Reflection.Emit.ILGeneration (>= 4.3)
      System.Reflection.Primitives (>= 4.3)
      System.Runtime (>= 4.3)
    System.Reflection.Emit.ILGeneration (4.3)
      System.Reflection (>= 4.3)
      System.Reflection.Primitives (>= 4.3)
      System.Runtime (>= 4.3)
    System.Reflection.Emit.Lightweight (4.3)
      System.Reflection (>= 4.3)
      System.Reflection.Emit.ILGeneration (>= 4.3)
      System.Reflection.Primitives (>= 4.3)
      System.Runtime (>= 4.3)
    System.Reflection.Extensions (4.3)
      Microsoft.NETCore.Platforms (>= 1.1)
      Microsoft.NETCore.Targets (>= 1.1)
      System.Reflection (>= 4.3)
      System.Runtime (>= 4.3)
    System.Reflection.Metadata (1.6)
      System.Collections.Immutable (>= 1.5) - restriction: || (&& (== netcoreapp2.1) (>= net45)) (&& (== netcoreapp2.1) (< netstandard1.1)) (&& (== netcoreapp2.1) (< netstandard2.0)) (== netstandard2.0)
    System.Reflection.Primitives (4.3)
      Microsoft.NETCore.Platforms (>= 1.1)
      Microsoft.NETCore.Targets (>= 1.1)
      System.Runtime (>= 4.3)
    System.Reflection.TypeExtensions (4.5.1) - restriction: || (== netcoreapp2.1) (&& (== netstandard2.0) (>= netcoreapp1.0))
    System.Resources.ResourceManager (4.3)
      Microsoft.NETCore.Platforms (>= 1.1)
      Microsoft.NETCore.Targets (>= 1.1)
      System.Globalization (>= 4.3)
      System.Reflection (>= 4.3)
      System.Runtime (>= 4.3)
    System.Runtime (4.3)
      Microsoft.NETCore.Platforms (>= 1.1)
      Microsoft.NETCore.Targets (>= 1.1)
    System.Runtime.CompilerServices.Unsafe (4.5.2)
    System.Runtime.Extensions (4.3)
      Microsoft.NETCore.Platforms (>= 1.1)
      Microsoft.NETCore.Targets (>= 1.1)
      System.Runtime (>= 4.3)
    System.Runtime.Handles (4.3)
      Microsoft.NETCore.Platforms (>= 1.1)
      Microsoft.NETCore.Targets (>= 1.1)
      System.Runtime (>= 4.3)
    System.Runtime.InteropServices (4.3)
      Microsoft.NETCore.Platforms (>= 1.1)
      Microsoft.NETCore.Targets (>= 1.1)
      System.Reflection (>= 4.3)
      System.Reflection.Primitives (>= 4.3)
      System.Runtime (>= 4.3)
      System.Runtime.Handles (>= 4.3)
    System.Runtime.InteropServices.RuntimeInformation (4.3)
      runtime.native.System (>= 4.3)
      System.Reflection (>= 4.3)
      System.Reflection.Extensions (>= 4.3)
      System.Resources.ResourceManager (>= 4.3)
      System.Runtime (>= 4.3)
      System.Runtime.InteropServices (>= 4.3)
      System.Threading (>= 4.3)
    System.Runtime.Loader (4.3) - restriction: || (== netcoreapp2.1) (&& (== netstandard2.0) (>= netcoreapp2.0))
      System.IO (>= 4.3)
      System.Reflection (>= 4.3)
      System.Runtime (>= 4.3)
    System.Runtime.Numerics (4.3)
      System.Globalization (>= 4.3)
      System.Resources.ResourceManager (>= 4.3)
      System.Runtime (>= 4.3)
      System.Runtime.Extensions (>= 4.3)
    System.Runtime.Serialization.Json (4.3) - restriction: || (== netcoreapp2.1) (&& (== netstandard2.0) (>= netcoreapp1.0))
      System.IO (>= 4.3)
      System.Private.DataContractSerialization (>= 4.3)
      System.Runtime (>= 4.3)
    System.Runtime.Serialization.Primitives (4.3)
      System.Resources.ResourceManager (>= 4.3)
      System.Runtime (>= 4.3)
    System.Security.AccessControl (4.5)
      Microsoft.NETCore.Platforms (>= 2.0) - restriction: || (== netcoreapp2.1) (&& (== netstandard2.0) (>= netcoreapp2.0))
      System.Security.Principal.Windows (>= 4.5)
    System.Security.Cryptography.Algorithms (4.3.1)
      Microsoft.NETCore.Platforms (>= 1.1)
      runtime.native.System.Security.Cryptography.Apple (>= 4.3.1)
      runtime.native.System.Security.Cryptography.OpenSsl (>= 4.3.2)
      System.Collections (>= 4.3)
      System.IO (>= 4.3)
      System.Resources.ResourceManager (>= 4.3)
      System.Runtime (>= 4.3)
      System.Runtime.Extensions (>= 4.3)
      System.Runtime.Handles (>= 4.3)
      System.Runtime.InteropServices (>= 4.3)
      System.Runtime.Numerics (>= 4.3)
      System.Security.Cryptography.Encoding (>= 4.3)
      System.Security.Cryptography.Primitives (>= 4.3)
      System.Text.Encoding (>= 4.3)
    System.Security.Cryptography.Cng (4.5)
    System.Security.Cryptography.Csp (4.3)
      Microsoft.NETCore.Platforms (>= 1.1)
      System.IO (>= 4.3)
      System.Reflection (>= 4.3)
      System.Resources.ResourceManager (>= 4.3)
      System.Runtime (>= 4.3)
      System.Runtime.Extensions (>= 4.3)
      System.Runtime.Handles (>= 4.3)
      System.Runtime.InteropServices (>= 4.3)
      System.Security.Cryptography.Algorithms (>= 4.3)
      System.Security.Cryptography.Encoding (>= 4.3)
      System.Security.Cryptography.Primitives (>= 4.3)
      System.Text.Encoding (>= 4.3)
      System.Threading (>= 4.3)
    System.Security.Cryptography.Encoding (4.3)
      Microsoft.NETCore.Platforms (>= 1.1)
      runtime.native.System.Security.Cryptography.OpenSsl (>= 4.3)
      System.Collections (>= 4.3)
      System.Collections.Concurrent (>= 4.3)
      System.Linq (>= 4.3)
      System.Resources.ResourceManager (>= 4.3)
      System.Runtime (>= 4.3)
      System.Runtime.Extensions (>= 4.3)
      System.Runtime.Handles (>= 4.3)
      System.Runtime.InteropServices (>= 4.3)
      System.Security.Cryptography.Primitives (>= 4.3)
      System.Text.Encoding (>= 4.3)
    System.Security.Cryptography.OpenSsl (4.5)
    System.Security.Cryptography.Pkcs (4.5.1)
      System.Buffers (>= 4.4) - restriction: || (&& (== netcoreapp2.1) (>= monoandroid) (< netstandard2.0)) (&& (== netcoreapp2.1) (>= monotouch)) (&& (== netcoreapp2.1) (< netcoreapp2.0)) (&& (== netcoreapp2.1) (>= xamarinios)) (&& (== netcoreapp2.1) (>= xamarinmac)) (&& (== netcoreapp2.1) (>= xamarintvos)) (&& (== netcoreapp2.1) (>= xamarinwatchos)) (== netstandard2.0)
      System.Memory (>= 4.5.1) - restriction: || (&& (== netcoreapp2.1) (>= monoandroid) (< netstandard2.0)) (&& (== netcoreapp2.1) (>= monotouch)) (&& (== netcoreapp2.1) (< netcoreapp2.0)) (&& (== netcoreapp2.1) (>= uap10.1)) (&& (== netcoreapp2.1) (>= xamarinios)) (&& (== netcoreapp2.1) (>= xamarinmac)) (&& (== netcoreapp2.1) (>= xamarintvos)) (&& (== netcoreapp2.1) (>= xamarinwatchos)) (== netstandard2.0)
      System.Security.Cryptography.Cng (>= 4.4) - restriction: || (&& (== netcoreapp2.1) (< netcoreapp2.0)) (== netstandard2.0)
      System.Security.Cryptography.Cng (>= 4.5) - restriction: || (== netcoreapp2.1) (&& (== netstandard2.0) (>= netcoreapp2.1))
    System.Security.Cryptography.Primitives (4.3)
      System.Diagnostics.Debug (>= 4.3)
      System.Globalization (>= 4.3)
      System.IO (>= 4.3)
      System.Resources.ResourceManager (>= 4.3)
      System.Runtime (>= 4.3)
      System.Threading (>= 4.3)
      System.Threading.Tasks (>= 4.3)
    System.Security.Cryptography.ProtectedData (4.5) - restriction: || (== netcoreapp2.1) (&& (== netstandard2.0) (>= netcoreapp2.0))
    System.Security.Cryptography.X509Certificates (4.3.2)
      Microsoft.NETCore.Platforms (>= 1.1)
      runtime.native.System (>= 4.3)
      runtime.native.System.Net.Http (>= 4.3)
      runtime.native.System.Security.Cryptography.OpenSsl (>= 4.3.2)
      System.Collections (>= 4.3)
      System.Diagnostics.Debug (>= 4.3)
      System.Globalization (>= 4.3)
      System.Globalization.Calendars (>= 4.3)
      System.IO (>= 4.3)
      System.IO.FileSystem (>= 4.3)
      System.IO.FileSystem.Primitives (>= 4.3)
      System.Resources.ResourceManager (>= 4.3)
      System.Runtime (>= 4.3)
      System.Runtime.Extensions (>= 4.3)
      System.Runtime.Handles (>= 4.3)
      System.Runtime.InteropServices (>= 4.3)
      System.Runtime.Numerics (>= 4.3)
      System.Security.Cryptography.Algorithms (>= 4.3)
      System.Security.Cryptography.Cng (>= 4.3)
      System.Security.Cryptography.Csp (>= 4.3)
      System.Security.Cryptography.Encoding (>= 4.3)
      System.Security.Cryptography.OpenSsl (>= 4.3)
      System.Security.Cryptography.Primitives (>= 4.3)
      System.Text.Encoding (>= 4.3)
      System.Threading (>= 4.3)
    System.Security.Cryptography.Xml (4.5)
      System.Security.Cryptography.Pkcs (>= 4.5)
      System.Security.Permissions (>= 4.5)
    System.Security.Permissions (4.5)
      System.Security.AccessControl (>= 4.5)
    System.Security.Principal.Windows (4.5.1)
      Microsoft.NETCore.Platforms (>= 2.0) - restriction: || (== netcoreapp2.1) (&& (== netstandard2.0) (>= netcoreapp2.0))
    System.Text.Encoding (4.3)
      Microsoft.NETCore.Platforms (>= 1.1)
      Microsoft.NETCore.Targets (>= 1.1)
      System.Runtime (>= 4.3)
    System.Text.Encoding.CodePages (4.5)
      Microsoft.NETCore.Platforms (>= 2.0) - restriction: || (== netcoreapp2.1) (&& (== netstandard2.0) (>= netcoreapp2.0))
      System.Runtime.CompilerServices.Unsafe (>= 4.5)
    System.Text.Encoding.Extensions (4.3)
      Microsoft.NETCore.Platforms (>= 1.1)
      Microsoft.NETCore.Targets (>= 1.1)
      System.Runtime (>= 4.3)
      System.Text.Encoding (>= 4.3)
    System.Text.Encodings.Web (4.5)
    System.Text.RegularExpressions (4.3)
      System.Collections (>= 4.3) - restriction: || (&& (== netcoreapp2.1) (>= dnxcore50)) (&& (== netcoreapp2.1) (< netcoreapp1.1)) (== netstandard2.0)
      System.Globalization (>= 4.3) - restriction: || (&& (== netcoreapp2.1) (>= dnxcore50)) (&& (== netcoreapp2.1) (< netcoreapp1.1)) (== netstandard2.0)
      System.Resources.ResourceManager (>= 4.3) - restriction: || (&& (== netcoreapp2.1) (>= dnxcore50)) (&& (== netcoreapp2.1) (< netcoreapp1.1)) (== netstandard2.0)
      System.Runtime (>= 4.3)
      System.Runtime.Extensions (>= 4.3) - restriction: || (&& (== netcoreapp2.1) (>= dnxcore50)) (&& (== netcoreapp2.1) (< netcoreapp1.1)) (== netstandard2.0)
      System.Threading (>= 4.3) - restriction: || (&& (== netcoreapp2.1) (>= dnxcore50)) (&& (== netcoreapp2.1) (< netcoreapp1.1)) (== netstandard2.0)
    System.Threading (4.3)
      System.Runtime (>= 4.3)
      System.Threading.Tasks (>= 4.3)
    System.Threading.Channels (4.5)
      System.Threading.Tasks.Extensions (>= 4.5) - restriction: || (&& (== netcoreapp2.1) (>= net46)) (&& (== netcoreapp2.1) (< netstandard2.0)) (== netstandard2.0)
    System.Threading.Tasks (4.3)
      Microsoft.NETCore.Platforms (>= 1.1)
      Microsoft.NETCore.Targets (>= 1.1)
      System.Runtime (>= 4.3)
    System.Threading.Tasks.Extensions (4.5.1)
      System.Runtime.CompilerServices.Unsafe (>= 4.5) - restriction: || (&& (== netcoreapp2.1) (>= net45)) (&& (== netcoreapp2.1) (< netstandard1.0)) (&& (== netcoreapp2.1) (< netstandard2.0)) (&& (== netcoreapp2.1) (>= wp8)) (== netstandard2.0)
    System.Threading.Tasks.Parallel (4.3)
      System.Collections.Concurrent (>= 4.3)
      System.Diagnostics.Debug (>= 4.3)
      System.Diagnostics.Tracing (>= 4.3)
      System.Resources.ResourceManager (>= 4.3)
      System.Runtime (>= 4.3)
      System.Runtime.Extensions (>= 4.3)
      System.Threading (>= 4.3)
      System.Threading.Tasks (>= 4.3)
    System.Threading.Thread (4.3)
      System.Runtime (>= 4.3)
    System.Threading.ThreadPool (4.3) - restriction: || (== netcoreapp2.1) (&& (== netstandard2.0) (>= netcoreapp1.0))
      System.Runtime (>= 4.3)
      System.Runtime.Handles (>= 4.3)
    System.ValueTuple (4.5)
    System.Xml.ReaderWriter (4.3.1)
      System.Collections (>= 4.3)
      System.Diagnostics.Debug (>= 4.3)
      System.Globalization (>= 4.3)
      System.IO (>= 4.3)
      System.IO.FileSystem (>= 4.3)
      System.IO.FileSystem.Primitives (>= 4.3)
      System.Resources.ResourceManager (>= 4.3)
      System.Runtime (>= 4.3)
      System.Runtime.Extensions (>= 4.3)
      System.Runtime.InteropServices (>= 4.3)
      System.Text.Encoding (>= 4.3)
      System.Text.Encoding.Extensions (>= 4.3)
      System.Text.RegularExpressions (>= 4.3)
      System.Threading.Tasks (>= 4.3)
      System.Threading.Tasks.Extensions (>= 4.3)
    System.Xml.XDocument (4.3)
      System.Collections (>= 4.3)
      System.Diagnostics.Debug (>= 4.3)
      System.Diagnostics.Tools (>= 4.3)
      System.Globalization (>= 4.3)
      System.IO (>= 4.3)
      System.Reflection (>= 4.3)
      System.Resources.ResourceManager (>= 4.3)
      System.Runtime (>= 4.3)
      System.Runtime.Extensions (>= 4.3)
      System.Text.Encoding (>= 4.3)
      System.Threading (>= 4.3)
      System.Xml.ReaderWriter (>= 4.3)
    System.Xml.XmlDocument (4.3)
      System.Collections (>= 4.3)
      System.Diagnostics.Debug (>= 4.3)
      System.Globalization (>= 4.3)
      System.IO (>= 4.3)
      System.Resources.ResourceManager (>= 4.3)
      System.Runtime (>= 4.3)
      System.Runtime.Extensions (>= 4.3)
      System.Text.Encoding (>= 4.3)
      System.Threading (>= 4.3)
      System.Xml.ReaderWriter (>= 4.3)
    System.Xml.XmlSerializer (4.3) - restriction: || (== netcoreapp2.1) (&& (== netstandard2.0) (>= netcoreapp1.0))
      System.Collections (>= 4.3)
      System.Globalization (>= 4.3)
      System.IO (>= 4.3)
      System.Linq (>= 4.3)
      System.Reflection (>= 4.3)
      System.Reflection.Emit (>= 4.3)
      System.Reflection.Emit.ILGeneration (>= 4.3)
      System.Reflection.Extensions (>= 4.3)
      System.Reflection.Primitives (>= 4.3)
      System.Reflection.TypeExtensions (>= 4.3)
      System.Resources.ResourceManager (>= 4.3)
      System.Runtime (>= 4.3)
      System.Runtime.Extensions (>= 4.3)
      System.Text.RegularExpressions (>= 4.3)
      System.Threading (>= 4.3)
      System.Xml.ReaderWriter (>= 4.3)
      System.Xml.XmlDocument (>= 4.3)
    System.Xml.XPath (4.3)
      System.Collections (>= 4.3)
      System.Diagnostics.Debug (>= 4.3)
      System.Globalization (>= 4.3)
      System.IO (>= 4.3)
      System.Resources.ResourceManager (>= 4.3)
      System.Runtime (>= 4.3)
      System.Runtime.Extensions (>= 4.3)
      System.Threading (>= 4.3)
      System.Xml.ReaderWriter (>= 4.3)
    System.Xml.XPath.XDocument (4.3)
      System.Diagnostics.Debug (>= 4.3)
      System.Linq (>= 4.3)
      System.Resources.ResourceManager (>= 4.3)
      System.Runtime (>= 4.3)
      System.Runtime.Extensions (>= 4.3)
      System.Threading (>= 4.3)
      System.Xml.ReaderWriter (>= 4.3)
      System.Xml.XDocument (>= 4.3)
      System.Xml.XPath (>= 4.3)
    System.Xml.XPath.XmlDocument (4.3)
      System.Collections (>= 4.3)
      System.Globalization (>= 4.3)
      System.IO (>= 4.3)
      System.Resources.ResourceManager (>= 4.3)
      System.Runtime (>= 4.3)
      System.Runtime.Extensions (>= 4.3)
      System.Threading (>= 4.3)
      System.Xml.ReaderWriter (>= 4.3)
      System.Xml.XmlDocument (>= 4.3)
      System.Xml.XPath (>= 4.3)
GITHUB
  remote: fsprojects/FSharp.TypeProviders.SDK
    src/ProvidedTypes.fs (a34e47921ae5ce694c37d9b8e946f1bb4d2df0f6)
    src/ProvidedTypes.fsi (a34e47921ae5ce694c37d9b8e946f1bb4d2df0f6)
GROUP fake
STORAGE: NONE
RESTRICTION: == netstandard2.0
NUGET
  remote: https://api.nuget.org/v3/index.json
    BlackFox.VsWhere (1.0)
      FSharp.Core (>= 4.2.3)
    Fake.Core.CommandLineParsing (5.12)
      FParsec (>= 1.0.3)
      FSharp.Core (>= 4.3.4)
    Fake.Core.Context (5.12)
      FSharp.Core (>= 4.3.4)
    Fake.Core.Environment (5.12)
      FSharp.Core (>= 4.3.4)
    Fake.Core.FakeVar (5.12)
      Fake.Core.Context (>= 5.12)
      FSharp.Core (>= 4.3.4)
    Fake.Core.Process (5.12)
      Fake.Core.Environment (>= 5.12)
      Fake.Core.FakeVar (>= 5.12)
      Fake.Core.String (>= 5.12)
      Fake.Core.Trace (>= 5.12)
      Fake.IO.FileSystem (>= 5.12)
      FSharp.Core (>= 4.3.4)
      System.Diagnostics.Process (>= 4.3)
    Fake.Core.String (5.12)
      FSharp.Core (>= 4.3.4)
    Fake.Core.Target (5.12)
      Fake.Core.CommandLineParsing (>= 5.12)
      Fake.Core.Context (>= 5.12)
      Fake.Core.Environment (>= 5.12)
      Fake.Core.FakeVar (>= 5.12)
      Fake.Core.Process (>= 5.12)
      Fake.Core.String (>= 5.12)
      Fake.Core.Trace (>= 5.12)
      FSharp.Control.Reactive (>= 4.1)
      FSharp.Core (>= 4.3.4)
      System.Reactive.Compatibility (>= 4.1.2)
    Fake.Core.Trace (5.12)
      Fake.Core.Environment (>= 5.12)
      Fake.Core.FakeVar (>= 5.12)
      FSharp.Core (>= 4.3.4)
    Fake.DotNet.AssemblyInfoFile (5.12)
      Fake.Core.Environment (>= 5.12)
      Fake.Core.String (>= 5.12)
      Fake.Core.Trace (>= 5.12)
      Fake.IO.FileSystem (>= 5.12)
      FSharp.Core (>= 4.3.4)
    Fake.DotNet.Cli (5.12)
      Fake.Core.Environment (>= 5.12)
      Fake.Core.Process (>= 5.12)
      Fake.Core.String (>= 5.12)
      Fake.Core.Trace (>= 5.12)
      Fake.DotNet.MSBuild (>= 5.12)
      Fake.IO.FileSystem (>= 5.12)
      FSharp.Core (>= 4.3.4)
      Newtonsoft.Json (>= 12.0.1)
    Fake.DotNet.MSBuild (5.12)
      BlackFox.VsWhere (>= 1.0)
      Fake.Core.Environment (>= 5.12)
      Fake.Core.Process (>= 5.12)
      Fake.Core.String (>= 5.12)
      Fake.Core.Trace (>= 5.12)
      Fake.IO.FileSystem (>= 5.12)
      FSharp.Core (>= 4.3.4)
      MSBuild.StructuredLogger (>= 2.0.61)
    Fake.DotNet.Paket (5.12)
      Fake.Core.Process (>= 5.12)
      Fake.Core.String (>= 5.12)
      Fake.Core.Trace (>= 5.12)
      Fake.IO.FileSystem (>= 5.12)
      FSharp.Core (>= 4.3.4)
    Fake.IO.FileSystem (5.12)
      Fake.Core.String (>= 5.12)
      FSharp.Core (>= 4.3.4)
      System.Diagnostics.FileVersionInfo (>= 4.3)
      System.IO.FileSystem.Watcher (>= 4.3)
    FParsec (1.0.3)
      FSharp.Core (>= 4.2.3)
      NETStandard.Library (>= 1.6.1)
    FSharp.Control.Reactive (4.1)
      FSharp.Core (>= 4.2.3)
      System.Reactive (>= 4.0)
    FSharp.Core (4.5.4)
    FSharp.Data (3.0)
      FSharp.Core (>= 4.3.4)
    Microsoft.Build (15.9.20)
      Microsoft.Build.Framework (>= 15.9.20)
      Microsoft.Win32.Registry (>= 4.3)
      System.Collections.Immutable (>= 1.5)
      System.Diagnostics.TraceSource (>= 4.0)
      System.IO.Compression (>= 4.3)
      System.Reflection.Metadata (>= 1.6)
      System.Reflection.TypeExtensions (>= 4.1)
      System.Runtime.InteropServices.RuntimeInformation (>= 4.3)
      System.Runtime.Loader (>= 4.0)
      System.Text.Encoding.CodePages (>= 4.0.1)
      System.Threading.Tasks.Dataflow (>= 4.6)
    Microsoft.Build.Framework (15.9.20)
      System.Runtime.Serialization.Primitives (>= 4.1.1)
      System.Threading.Thread (>= 4.0)
    Microsoft.Build.Tasks.Core (15.9.20)
      Microsoft.Build.Framework (>= 15.9.20)
      Microsoft.Build.Utilities.Core (>= 15.9.20)
      Microsoft.Win32.Registry (>= 4.3)
      System.CodeDom (>= 4.4)
      System.Collections.Immutable (>= 1.5)
      System.Linq.Parallel (>= 4.0.1)
      System.Net.Http (>= 4.3)
      System.Reflection.Metadata (>= 1.6)
      System.Reflection.TypeExtensions (>= 4.1)
      System.Resources.Writer (>= 4.0)
      System.Threading.Tasks.Dataflow (>= 4.6)
    Microsoft.Build.Utilities.Core (15.9.20)
      Microsoft.Build.Framework (>= 15.9.20)
      Microsoft.Win32.Registry (>= 4.3)
      System.Collections.Immutable (>= 1.5)
      System.Runtime.InteropServices.RuntimeInformation (>= 4.3)
      System.Text.Encoding.CodePages (>= 4.4)
    Microsoft.NETCore.Platforms (2.2)
    Microsoft.NETCore.Targets (2.1)
    Microsoft.Win32.Primitives (4.3)
      Microsoft.NETCore.Platforms (>= 1.1)
      Microsoft.NETCore.Targets (>= 1.1)
      System.Runtime (>= 4.3)
    Microsoft.Win32.Registry (4.5)
      System.Buffers (>= 4.4)
      System.Memory (>= 4.5)
      System.Security.AccessControl (>= 4.5)
      System.Security.Principal.Windows (>= 4.5)
    MSBuild.StructuredLogger (2.0.64)
      Microsoft.Build (>= 15.8.166)
      Microsoft.Build.Framework (>= 15.8.166)
      Microsoft.Build.Tasks.Core (>= 15.8.166)
      Microsoft.Build.Utilities.Core (>= 15.8.166)
    NETStandard.Library (2.0.3)
      Microsoft.NETCore.Platforms (>= 1.1)
    Newtonsoft.Json (12.0.1)
    runtime.debian.8-x64.runtime.native.System.Security.Cryptography.OpenSsl (4.3.3)
    runtime.debian.9-x64.runtime.native.System.Security.Cryptography.OpenSsl (4.3.3)
    runtime.fedora.23-x64.runtime.native.System.Security.Cryptography.OpenSsl (4.3.3)
    runtime.fedora.24-x64.runtime.native.System.Security.Cryptography.OpenSsl (4.3.3)
    runtime.fedora.27-x64.runtime.native.System.Security.Cryptography.OpenSsl (4.3.3)
    runtime.fedora.28-x64.runtime.native.System.Security.Cryptography.OpenSsl (4.3.3)
    runtime.native.System (4.3.1)
      Microsoft.NETCore.Platforms (>= 1.1.1)
      Microsoft.NETCore.Targets (>= 1.1.3)
    runtime.native.System.IO.Compression (4.3.2)
      Microsoft.NETCore.Platforms (>= 1.1.1)
      Microsoft.NETCore.Targets (>= 1.1.3)
    runtime.native.System.Net.Http (4.3.1)
      Microsoft.NETCore.Platforms (>= 1.1.1)
      Microsoft.NETCore.Targets (>= 1.1.3)
    runtime.native.System.Security.Cryptography.Apple (4.3.1)
      runtime.osx.10.10-x64.runtime.native.System.Security.Cryptography.Apple (>= 4.3.1)
    runtime.native.System.Security.Cryptography.OpenSsl (4.3.3)
      runtime.debian.8-x64.runtime.native.System.Security.Cryptography.OpenSsl (>= 4.3.3)
      runtime.debian.9-x64.runtime.native.System.Security.Cryptography.OpenSsl (>= 4.3.3)
      runtime.fedora.23-x64.runtime.native.System.Security.Cryptography.OpenSsl (>= 4.3.3)
      runtime.fedora.24-x64.runtime.native.System.Security.Cryptography.OpenSsl (>= 4.3.3)
      runtime.fedora.27-x64.runtime.native.System.Security.Cryptography.OpenSsl (>= 4.3.3)
      runtime.fedora.28-x64.runtime.native.System.Security.Cryptography.OpenSsl (>= 4.3.3)
      runtime.opensuse.13.2-x64.runtime.native.System.Security.Cryptography.OpenSsl (>= 4.3.3)
      runtime.opensuse.42.1-x64.runtime.native.System.Security.Cryptography.OpenSsl (>= 4.3.3)
      runtime.opensuse.42.3-x64.runtime.native.System.Security.Cryptography.OpenSsl (>= 4.3.3)
      runtime.osx.10.10-x64.runtime.native.System.Security.Cryptography.OpenSsl (>= 4.3.3)
      runtime.rhel.7-x64.runtime.native.System.Security.Cryptography.OpenSsl (>= 4.3.3)
      runtime.ubuntu.14.04-x64.runtime.native.System.Security.Cryptography.OpenSsl (>= 4.3.3)
      runtime.ubuntu.16.04-x64.runtime.native.System.Security.Cryptography.OpenSsl (>= 4.3.3)
      runtime.ubuntu.16.10-x64.runtime.native.System.Security.Cryptography.OpenSsl (>= 4.3.3)
      runtime.ubuntu.18.04-x64.runtime.native.System.Security.Cryptography.OpenSsl (>= 4.3.3)
    runtime.opensuse.13.2-x64.runtime.native.System.Security.Cryptography.OpenSsl (4.3.3)
    runtime.opensuse.42.1-x64.runtime.native.System.Security.Cryptography.OpenSsl (4.3.3)
    runtime.opensuse.42.3-x64.runtime.native.System.Security.Cryptography.OpenSsl (4.3.3)
    runtime.osx.10.10-x64.runtime.native.System.Security.Cryptography.Apple (4.3.1)
    runtime.osx.10.10-x64.runtime.native.System.Security.Cryptography.OpenSsl (4.3.3)
    runtime.rhel.7-x64.runtime.native.System.Security.Cryptography.OpenSsl (4.3.3)
    runtime.ubuntu.14.04-x64.runtime.native.System.Security.Cryptography.OpenSsl (4.3.3)
    runtime.ubuntu.16.04-x64.runtime.native.System.Security.Cryptography.OpenSsl (4.3.3)
    runtime.ubuntu.16.10-x64.runtime.native.System.Security.Cryptography.OpenSsl (4.3.3)
    runtime.ubuntu.18.04-x64.runtime.native.System.Security.Cryptography.OpenSsl (4.3.3)
    System.Buffers (4.5)
    System.CodeDom (4.5)
    System.Collections (4.3)
      Microsoft.NETCore.Platforms (>= 1.1)
      Microsoft.NETCore.Targets (>= 1.1)
      System.Runtime (>= 4.3)
    System.Collections.Concurrent (4.3)
      System.Collections (>= 4.3)
      System.Diagnostics.Debug (>= 4.3)
      System.Diagnostics.Tracing (>= 4.3)
      System.Globalization (>= 4.3)
      System.Reflection (>= 4.3)
      System.Resources.ResourceManager (>= 4.3)
      System.Runtime (>= 4.3)
      System.Runtime.Extensions (>= 4.3)
      System.Threading (>= 4.3)
      System.Threading.Tasks (>= 4.3)
    System.Collections.Immutable (1.5)
    System.Diagnostics.Debug (4.3)
      Microsoft.NETCore.Platforms (>= 1.1)
      Microsoft.NETCore.Targets (>= 1.1)
      System.Runtime (>= 4.3)
    System.Diagnostics.DiagnosticSource (4.5.1)
    System.Diagnostics.FileVersionInfo (4.3)
      Microsoft.NETCore.Platforms (>= 1.1)
      System.Globalization (>= 4.3)
      System.IO (>= 4.3)
      System.IO.FileSystem (>= 4.3)
      System.IO.FileSystem.Primitives (>= 4.3)
      System.Reflection.Metadata (>= 1.4.1)
      System.Runtime (>= 4.3)
      System.Runtime.Extensions (>= 4.3)
      System.Runtime.InteropServices (>= 4.3)
    System.Diagnostics.Process (4.3)
      Microsoft.NETCore.Platforms (>= 1.1)
      Microsoft.Win32.Primitives (>= 4.3)
      Microsoft.Win32.Registry (>= 4.3)
      runtime.native.System (>= 4.3)
      System.Collections (>= 4.3)
      System.Diagnostics.Debug (>= 4.3)
      System.Globalization (>= 4.3)
      System.IO (>= 4.3)
      System.IO.FileSystem (>= 4.3)
      System.IO.FileSystem.Primitives (>= 4.3)
      System.Resources.ResourceManager (>= 4.3)
      System.Runtime (>= 4.3)
      System.Runtime.Extensions (>= 4.3)
      System.Runtime.Handles (>= 4.3)
      System.Runtime.InteropServices (>= 4.3)
      System.Text.Encoding (>= 4.3)
      System.Text.Encoding.Extensions (>= 4.3)
      System.Threading (>= 4.3)
      System.Threading.Tasks (>= 4.3)
      System.Threading.Thread (>= 4.3)
      System.Threading.ThreadPool (>= 4.3)
    System.Diagnostics.TraceSource (4.3)
      Microsoft.NETCore.Platforms (>= 1.1)
      runtime.native.System (>= 4.3)
      System.Collections (>= 4.3)
      System.Diagnostics.Debug (>= 4.3)
      System.Globalization (>= 4.3)
      System.Resources.ResourceManager (>= 4.3)
      System.Runtime (>= 4.3)
      System.Runtime.Extensions (>= 4.3)
      System.Threading (>= 4.3)
    System.Diagnostics.Tracing (4.3)
      Microsoft.NETCore.Platforms (>= 1.1)
      Microsoft.NETCore.Targets (>= 1.1)
      System.Runtime (>= 4.3)
    System.Globalization (4.3)
      Microsoft.NETCore.Platforms (>= 1.1)
      Microsoft.NETCore.Targets (>= 1.1)
      System.Runtime (>= 4.3)
    System.Globalization.Calendars (4.3)
      Microsoft.NETCore.Platforms (>= 1.1)
      Microsoft.NETCore.Targets (>= 1.1)
      System.Globalization (>= 4.3)
      System.Runtime (>= 4.3)
    System.Globalization.Extensions (4.3)
      Microsoft.NETCore.Platforms (>= 1.1)
      System.Globalization (>= 4.3)
      System.Resources.ResourceManager (>= 4.3)
      System.Runtime (>= 4.3)
      System.Runtime.Extensions (>= 4.3)
      System.Runtime.InteropServices (>= 4.3)
    System.IO (4.3)
      Microsoft.NETCore.Platforms (>= 1.1)
      Microsoft.NETCore.Targets (>= 1.1)
      System.Runtime (>= 4.3)
      System.Text.Encoding (>= 4.3)
      System.Threading.Tasks (>= 4.3)
    System.IO.Compression (4.3)
      Microsoft.NETCore.Platforms (>= 1.1)
      runtime.native.System (>= 4.3)
      runtime.native.System.IO.Compression (>= 4.3)
      System.Buffers (>= 4.3)
      System.Collections (>= 4.3)
      System.Diagnostics.Debug (>= 4.3)
      System.IO (>= 4.3)
      System.Resources.ResourceManager (>= 4.3)
      System.Runtime (>= 4.3)
      System.Runtime.Extensions (>= 4.3)
      System.Runtime.Handles (>= 4.3)
      System.Runtime.InteropServices (>= 4.3)
      System.Text.Encoding (>= 4.3)
      System.Threading (>= 4.3)
      System.Threading.Tasks (>= 4.3)
    System.IO.FileSystem (4.3)
      Microsoft.NETCore.Platforms (>= 1.1)
      Microsoft.NETCore.Targets (>= 1.1)
      System.IO (>= 4.3)
      System.IO.FileSystem.Primitives (>= 4.3)
      System.Runtime (>= 4.3)
      System.Runtime.Handles (>= 4.3)
      System.Text.Encoding (>= 4.3)
      System.Threading.Tasks (>= 4.3)
    System.IO.FileSystem.Primitives (4.3)
      System.Runtime (>= 4.3)
    System.IO.FileSystem.Watcher (4.3)
      Microsoft.NETCore.Platforms (>= 1.1)
      Microsoft.Win32.Primitives (>= 4.3)
      runtime.native.System (>= 4.3)
      System.Collections (>= 4.3)
      System.IO.FileSystem (>= 4.3)
      System.IO.FileSystem.Primitives (>= 4.3)
      System.Resources.ResourceManager (>= 4.3)
      System.Runtime (>= 4.3)
      System.Runtime.Extensions (>= 4.3)
      System.Runtime.Handles (>= 4.3)
      System.Runtime.InteropServices (>= 4.3)
      System.Text.Encoding (>= 4.3)
      System.Threading (>= 4.3)
      System.Threading.Overlapped (>= 4.3)
      System.Threading.Tasks (>= 4.3)
      System.Threading.Thread (>= 4.3)
    System.Linq (4.3)
      System.Collections (>= 4.3)
      System.Diagnostics.Debug (>= 4.3)
      System.Resources.ResourceManager (>= 4.3)
      System.Runtime (>= 4.3)
      System.Runtime.Extensions (>= 4.3)
    System.Linq.Parallel (4.3)
      System.Collections (>= 4.3)
      System.Collections.Concurrent (>= 4.3)
      System.Diagnostics.Debug (>= 4.3)
      System.Diagnostics.Tracing (>= 4.3)
      System.Linq (>= 4.3)
      System.Resources.ResourceManager (>= 4.3)
      System.Runtime (>= 4.3)
      System.Runtime.Extensions (>= 4.3)
      System.Threading (>= 4.3)
      System.Threading.Tasks (>= 4.3)
    System.Memory (4.5.2)
      System.Buffers (>= 4.4)
      System.Numerics.Vectors (>= 4.4)
      System.Runtime.CompilerServices.Unsafe (>= 4.5.2)
    System.Net.Http (4.3.4)
      Microsoft.NETCore.Platforms (>= 1.1.1)
      runtime.native.System (>= 4.3)
      runtime.native.System.Net.Http (>= 4.3)
      runtime.native.System.Security.Cryptography.OpenSsl (>= 4.3.2)
      System.Collections (>= 4.3)
      System.Diagnostics.Debug (>= 4.3)
      System.Diagnostics.DiagnosticSource (>= 4.3)
      System.Diagnostics.Tracing (>= 4.3)
      System.Globalization (>= 4.3)
      System.Globalization.Extensions (>= 4.3)
      System.IO (>= 4.3)
      System.IO.FileSystem (>= 4.3)
      System.Net.Primitives (>= 4.3)
      System.Resources.ResourceManager (>= 4.3)
      System.Runtime (>= 4.3)
      System.Runtime.Extensions (>= 4.3)
      System.Runtime.Handles (>= 4.3)
      System.Runtime.InteropServices (>= 4.3)
      System.Security.Cryptography.Algorithms (>= 4.3)
      System.Security.Cryptography.Encoding (>= 4.3)
      System.Security.Cryptography.OpenSsl (>= 4.3)
      System.Security.Cryptography.Primitives (>= 4.3)
      System.Security.Cryptography.X509Certificates (>= 4.3)
      System.Text.Encoding (>= 4.3)
      System.Threading (>= 4.3)
      System.Threading.Tasks (>= 4.3)
    System.Net.Primitives (4.3)
      Microsoft.NETCore.Platforms (>= 1.1)
      Microsoft.NETCore.Targets (>= 1.1)
      System.Runtime (>= 4.3)
      System.Runtime.Handles (>= 4.3)
    System.Numerics.Vectors (4.5)
    System.Reactive (4.1.2)
      System.Runtime.InteropServices.WindowsRuntime (>= 4.3)
      System.Threading.Tasks.Extensions (>= 4.5.1)
    System.Reactive.Compatibility (4.1.2)
      System.Reactive.Core (>= 4.1.2)
      System.Reactive.Interfaces (>= 4.1.2)
      System.Reactive.Linq (>= 4.1.2)
      System.Reactive.PlatformServices (>= 4.1.2)
      System.Reactive.Providers (>= 4.1.2)
    System.Reactive.Core (4.1.2)
      System.Reactive (>= 4.1.2)
      System.Threading.Tasks.Extensions (>= 4.5.1)
    System.Reactive.Interfaces (4.1.2)
      System.Reactive (>= 4.1.2)
      System.Threading.Tasks.Extensions (>= 4.5.1)
    System.Reactive.Linq (4.1.2)
      System.Reactive (>= 4.1.2)
      System.Threading.Tasks.Extensions (>= 4.5.1)
    System.Reactive.PlatformServices (4.1.2)
      System.Reactive (>= 4.1.2)
      System.Threading.Tasks.Extensions (>= 4.5.1)
    System.Reactive.Providers (4.1.2)
      System.Reactive (>= 4.1.2)
      System.Threading.Tasks.Extensions (>= 4.5.1)
    System.Reflection (4.3)
      Microsoft.NETCore.Platforms (>= 1.1)
      Microsoft.NETCore.Targets (>= 1.1)
      System.IO (>= 4.3)
      System.Reflection.Primitives (>= 4.3)
      System.Runtime (>= 4.3)
    System.Reflection.Extensions (4.3)
      Microsoft.NETCore.Platforms (>= 1.1)
      Microsoft.NETCore.Targets (>= 1.1)
      System.Reflection (>= 4.3)
      System.Runtime (>= 4.3)
    System.Reflection.Metadata (1.6)
      System.Collections.Immutable (>= 1.5)
    System.Reflection.Primitives (4.3)
      Microsoft.NETCore.Platforms (>= 1.1)
      Microsoft.NETCore.Targets (>= 1.1)
      System.Runtime (>= 4.3)
    System.Reflection.TypeExtensions (4.5.1)
    System.Resources.ResourceManager (4.3)
      Microsoft.NETCore.Platforms (>= 1.1)
      Microsoft.NETCore.Targets (>= 1.1)
      System.Globalization (>= 4.3)
      System.Reflection (>= 4.3)
      System.Runtime (>= 4.3)
    System.Resources.Writer (4.3)
      System.Collections (>= 4.3)
      System.IO (>= 4.3)
      System.Resources.ResourceManager (>= 4.3)
      System.Runtime (>= 4.3)
      System.Runtime.Extensions (>= 4.3)
      System.Text.Encoding (>= 4.3)
    System.Runtime (4.3)
      Microsoft.NETCore.Platforms (>= 1.1)
      Microsoft.NETCore.Targets (>= 1.1)
    System.Runtime.CompilerServices.Unsafe (4.5.2)
    System.Runtime.Extensions (4.3)
      Microsoft.NETCore.Platforms (>= 1.1)
      Microsoft.NETCore.Targets (>= 1.1)
      System.Runtime (>= 4.3)
    System.Runtime.Handles (4.3)
      Microsoft.NETCore.Platforms (>= 1.1)
      Microsoft.NETCore.Targets (>= 1.1)
      System.Runtime (>= 4.3)
    System.Runtime.InteropServices (4.3)
      Microsoft.NETCore.Platforms (>= 1.1)
      Microsoft.NETCore.Targets (>= 1.1)
      System.Reflection (>= 4.3)
      System.Reflection.Primitives (>= 4.3)
      System.Runtime (>= 4.3)
      System.Runtime.Handles (>= 4.3)
    System.Runtime.InteropServices.RuntimeInformation (4.3)
      runtime.native.System (>= 4.3)
      System.Reflection (>= 4.3)
      System.Reflection.Extensions (>= 4.3)
      System.Resources.ResourceManager (>= 4.3)
      System.Runtime (>= 4.3)
      System.Runtime.InteropServices (>= 4.3)
      System.Threading (>= 4.3)
    System.Runtime.InteropServices.WindowsRuntime (4.3)
      System.Runtime (>= 4.3)
    System.Runtime.Loader (4.3)
      System.IO (>= 4.3)
      System.Reflection (>= 4.3)
      System.Runtime (>= 4.3)
    System.Runtime.Numerics (4.3)
      System.Globalization (>= 4.3)
      System.Resources.ResourceManager (>= 4.3)
      System.Runtime (>= 4.3)
      System.Runtime.Extensions (>= 4.3)
    System.Runtime.Serialization.Primitives (4.3)
      System.Resources.ResourceManager (>= 4.3)
      System.Runtime (>= 4.3)
    System.Security.AccessControl (4.5)
      System.Security.Principal.Windows (>= 4.5)
    System.Security.Cryptography.Algorithms (4.3.1)
      Microsoft.NETCore.Platforms (>= 1.1)
      runtime.native.System.Security.Cryptography.Apple (>= 4.3.1)
      runtime.native.System.Security.Cryptography.OpenSsl (>= 4.3.2)
      System.Collections (>= 4.3)
      System.IO (>= 4.3)
      System.Resources.ResourceManager (>= 4.3)
      System.Runtime (>= 4.3)
      System.Runtime.Extensions (>= 4.3)
      System.Runtime.Handles (>= 4.3)
      System.Runtime.InteropServices (>= 4.3)
      System.Runtime.Numerics (>= 4.3)
      System.Security.Cryptography.Encoding (>= 4.3)
      System.Security.Cryptography.Primitives (>= 4.3)
      System.Text.Encoding (>= 4.3)
    System.Security.Cryptography.Cng (4.5)
    System.Security.Cryptography.Csp (4.3)
      Microsoft.NETCore.Platforms (>= 1.1)
      System.IO (>= 4.3)
      System.Reflection (>= 4.3)
      System.Resources.ResourceManager (>= 4.3)
      System.Runtime (>= 4.3)
      System.Runtime.Extensions (>= 4.3)
      System.Runtime.Handles (>= 4.3)
      System.Runtime.InteropServices (>= 4.3)
      System.Security.Cryptography.Algorithms (>= 4.3)
      System.Security.Cryptography.Encoding (>= 4.3)
      System.Security.Cryptography.Primitives (>= 4.3)
      System.Text.Encoding (>= 4.3)
      System.Threading (>= 4.3)
    System.Security.Cryptography.Encoding (4.3)
      Microsoft.NETCore.Platforms (>= 1.1)
      runtime.native.System.Security.Cryptography.OpenSsl (>= 4.3)
      System.Collections (>= 4.3)
      System.Collections.Concurrent (>= 4.3)
      System.Linq (>= 4.3)
      System.Resources.ResourceManager (>= 4.3)
      System.Runtime (>= 4.3)
      System.Runtime.Extensions (>= 4.3)
      System.Runtime.Handles (>= 4.3)
      System.Runtime.InteropServices (>= 4.3)
      System.Security.Cryptography.Primitives (>= 4.3)
      System.Text.Encoding (>= 4.3)
    System.Security.Cryptography.OpenSsl (4.5)
    System.Security.Cryptography.Primitives (4.3)
      System.Diagnostics.Debug (>= 4.3)
      System.Globalization (>= 4.3)
      System.IO (>= 4.3)
      System.Resources.ResourceManager (>= 4.3)
      System.Runtime (>= 4.3)
      System.Threading (>= 4.3)
      System.Threading.Tasks (>= 4.3)
    System.Security.Cryptography.X509Certificates (4.3.2)
      Microsoft.NETCore.Platforms (>= 1.1)
      runtime.native.System (>= 4.3)
      runtime.native.System.Net.Http (>= 4.3)
      runtime.native.System.Security.Cryptography.OpenSsl (>= 4.3.2)
      System.Collections (>= 4.3)
      System.Diagnostics.Debug (>= 4.3)
      System.Globalization (>= 4.3)
      System.Globalization.Calendars (>= 4.3)
      System.IO (>= 4.3)
      System.IO.FileSystem (>= 4.3)
      System.IO.FileSystem.Primitives (>= 4.3)
      System.Resources.ResourceManager (>= 4.3)
      System.Runtime (>= 4.3)
      System.Runtime.Extensions (>= 4.3)
      System.Runtime.Handles (>= 4.3)
      System.Runtime.InteropServices (>= 4.3)
      System.Runtime.Numerics (>= 4.3)
      System.Security.Cryptography.Algorithms (>= 4.3)
      System.Security.Cryptography.Cng (>= 4.3)
      System.Security.Cryptography.Csp (>= 4.3)
      System.Security.Cryptography.Encoding (>= 4.3)
      System.Security.Cryptography.OpenSsl (>= 4.3)
      System.Security.Cryptography.Primitives (>= 4.3)
      System.Text.Encoding (>= 4.3)
      System.Threading (>= 4.3)
    System.Security.Principal.Windows (4.5.1)
    System.Text.Encoding (4.3)
      Microsoft.NETCore.Platforms (>= 1.1)
      Microsoft.NETCore.Targets (>= 1.1)
      System.Runtime (>= 4.3)
    System.Text.Encoding.CodePages (4.5.1)
      System.Runtime.CompilerServices.Unsafe (>= 4.5.2)
    System.Text.Encoding.Extensions (4.3)
      Microsoft.NETCore.Platforms (>= 1.1)
      Microsoft.NETCore.Targets (>= 1.1)
      System.Runtime (>= 4.3)
      System.Text.Encoding (>= 4.3)
    System.Threading (4.3)
      System.Runtime (>= 4.3)
      System.Threading.Tasks (>= 4.3)
    System.Threading.Overlapped (4.3)
      Microsoft.NETCore.Platforms (>= 1.1)
      System.Resources.ResourceManager (>= 4.3)
      System.Runtime (>= 4.3)
      System.Runtime.Handles (>= 4.3)
    System.Threading.Tasks (4.3)
      Microsoft.NETCore.Platforms (>= 1.1)
      Microsoft.NETCore.Targets (>= 1.1)
      System.Runtime (>= 4.3)
    System.Threading.Tasks.Dataflow (4.9)
    System.Threading.Tasks.Extensions (4.5.2)
      System.Runtime.CompilerServices.Unsafe (>= 4.5.2)
    System.Threading.Thread (4.3)
      System.Runtime (>= 4.3)
    System.Threading.ThreadPool (4.3)
      System.Runtime (>= 4.3)
      System.Runtime.Handles (>= 4.3)
